STORAGE: SYMLINK

GROUP Build
NUGET
  remote: https://www.nuget.org/api/v2
    portmidi.redist (0.0.217.2)
