STORAGE: NONE
STRATEGY: MIN
RESTRICTION: || (>= net20) (>= netstandard2.0)
NUGET
  remote: https://www.nuget.org/api/v2
    FSharp.Core (4.1.17)
      System.Collections (>= 4.0.11) - restriction: || (&& (>= net20) (>= netstandard1.6)) (>= netstandard2.0)
      System.Console (>= 4.0) - restriction: || (&& (>= net20) (>= netstandard1.6)) (>= netstandard2.0)
      System.Diagnostics.Debug (>= 4.0.11) - restriction: || (&& (>= net20) (>= netstandard1.6)) (>= netstandard2.0)
      System.Diagnostics.Tools (>= 4.0.1) - restriction: || (&& (>= net20) (>= netstandard1.6)) (>= netstandard2.0)
      System.Globalization (>= 4.0.11) - restriction: || (&& (>= net20) (>= netstandard1.6)) (>= netstandard2.0)
      System.IO (>= 4.1) - restriction: || (&& (>= net20) (>= netstandard1.6)) (>= netstandard2.0)
      System.Linq (>= 4.1) - restriction: || (&& (>= net20) (>= netstandard1.6)) (>= netstandard2.0)
      System.Linq.Expressions (>= 4.1) - restriction: || (&& (>= net20) (>= netstandard1.6)) (>= netstandard2.0)
      System.Linq.Queryable (>= 4.0.1) - restriction: || (&& (>= net20) (>= netstandard1.6)) (>= netstandard2.0)
      System.Net.Requests (>= 4.0.11) - restriction: || (&& (>= net20) (>= netstandard1.6)) (>= netstandard2.0)
      System.Reflection (>= 4.1) - restriction: || (&& (>= net20) (>= netstandard1.6)) (>= netstandard2.0)
      System.Reflection.Extensions (>= 4.0.1) - restriction: || (&& (>= net20) (>= netstandard1.6)) (>= netstandard2.0)
      System.Resources.ResourceManager (>= 4.0.1) - restriction: || (&& (>= net20) (>= netstandard1.6)) (>= netstandard2.0)
      System.Runtime (>= 4.1) - restriction: || (&& (>= net20) (>= netstandard1.6)) (>= netstandard2.0)
      System.Runtime.Extensions (>= 4.1) - restriction: || (&& (>= net20) (>= netstandard1.6)) (>= netstandard2.0)
      System.Runtime.Numerics (>= 4.0.1) - restriction: || (&& (>= net20) (>= netstandard1.6)) (>= netstandard2.0)
      System.Text.RegularExpressions (>= 4.1) - restriction: || (&& (>= net20) (>= netstandard1.6)) (>= netstandard2.0)
      System.Threading (>= 4.0.11) - restriction: || (&& (>= net20) (>= netstandard1.6)) (>= netstandard2.0)
      System.Threading.Tasks (>= 4.0.11) - restriction: || (&& (>= net20) (>= netstandard1.6)) (>= netstandard2.0)
      System.Threading.Tasks.Parallel (>= 4.0.1) - restriction: || (&& (>= net20) (>= netstandard1.6)) (>= netstandard2.0)
      System.Threading.Thread (>= 4.0) - restriction: || (&& (>= net20) (>= netstandard1.6)) (>= netstandard2.0)
      System.Threading.ThreadPool (>= 4.0.10) - restriction: || (&& (>= net20) (>= netstandard1.6)) (>= netstandard2.0)
      System.Threading.Timer (>= 4.0.1) - restriction: || (&& (>= net20) (>= netstandard1.6)) (>= netstandard2.0)
      System.ValueTuple (>= 4.3) - restriction: || (&& (>= net20) (< netstandard1.6)) (&& (< netstandard1.6) (>= netstandard2.0))
    Microsoft.CSharp (4.0.1) - restriction: && (< net20) (>= netstandard2.0)
      System.Collections (>= 4.0.11) - restriction: || (&& (< monoandroid) (< net45) (>= netstandard2.0) (< win8) (< wpa81) (< xamarinios) (< xamarinmac)) (&& (>= net20) (< net45) (>= netstandard1.3))
      System.Diagnostics.Debug (>= 4.0.11) - restriction: || (&& (< monoandroid) (< net45) (>= netstandard2.0) (< win8) (< wpa81) (< xamarinios) (< xamarinmac)) (&& (>= net20) (< net45) (>= netstandard1.3))
      System.Dynamic.Runtime (>= 4.0.11) - restriction: || (&& (< monoandroid) (< net45) (< netstandard1.3) (>= netstandard2.0) (< win8) (< wpa81)) (&& (< monoandroid) (< net45) (>= netstandard2.0) (< win8) (< wpa81) (< xamarinios) (< xamarinmac)) (&& (>= net20) (< net45) (>= netstandard1.0) (< netstandard1.3)) (&& (>= net20) (< net45) (>= netstandard1.3))
      System.Globalization (>= 4.0.11) - restriction: || (&& (< monoandroid) (< net45) (>= netstandard2.0) (< win8) (< wpa81) (< xamarinios) (< xamarinmac)) (&& (>= net20) (< net45) (>= netstandard1.3))
      System.Linq (>= 4.1) - restriction: || (&& (< monoandroid) (< net45) (>= netstandard2.0) (< win8) (< wpa81) (< xamarinios) (< xamarinmac)) (&& (>= net20) (< net45) (>= netstandard1.3))
      System.Linq.Expressions (>= 4.1) - restriction: || (&& (< monoandroid) (< net45) (< netstandard1.3) (>= netstandard2.0) (< win8) (< wpa81)) (&& (< monoandroid) (< net45) (>= netstandard2.0) (< win8) (< wpa81) (< xamarinios) (< xamarinmac)) (&& (>= net20) (< net45) (>= netstandard1.0) (< netstandard1.3)) (&& (>= net20) (< net45) (>= netstandard1.3))
      System.ObjectModel (>= 4.0.12) - restriction: || (&& (< monoandroid) (< net45) (>= netstandard2.0) (< win8) (< wpa81) (< xamarinios) (< xamarinmac)) (&& (>= net20) (< net45) (>= netstandard1.3))
      System.Reflection (>= 4.1) - restriction: || (&& (< monoandroid) (< net45) (>= netstandard2.0) (< win8) (< wpa81) (< xamarinios) (< xamarinmac)) (&& (>= net20) (< net45) (>= netstandard1.3))
      System.Reflection.Extensions (>= 4.0.1) - restriction: || (&& (< monoandroid) (< net45) (>= netstandard2.0) (< win8) (< wpa81) (< xamarinios) (< xamarinmac)) (&& (>= net20) (< net45) (>= netstandard1.3))
      System.Reflection.Primitives (>= 4.0.1) - restriction: || (&& (< monoandroid) (< net45) (>= netstandard2.0) (< win8) (< wpa81) (< xamarinios) (< xamarinmac)) (&& (>= net20) (< net45) (>= netstandard1.3))
      System.Reflection.TypeExtensions (>= 4.1) - restriction: || (&& (< monoandroid) (< net45) (>= netstandard2.0) (< win8) (< wpa81) (< xamarinios) (< xamarinmac)) (&& (>= net20) (< net45) (>= netstandard1.3))
      System.Resources.ResourceManager (>= 4.0.1) - restriction: || (&& (< monoandroid) (< net45) (>= netstandard2.0) (< win8) (< wpa81) (< xamarinios) (< xamarinmac)) (&& (>= net20) (< net45) (>= netstandard1.3))
      System.Runtime (>= 4.1) - restriction: || (&& (< monoandroid) (< net45) (< netstandard1.3) (>= netstandard2.0) (< win8) (< wpa81)) (&& (< monoandroid) (< net45) (>= netstandard2.0) (< win8) (< wpa81) (< xamarinios) (< xamarinmac)) (&& (>= net20) (< net45) (>= netstandard1.0) (< netstandard1.3)) (&& (>= net20) (< net45) (>= netstandard1.3))
      System.Runtime.Extensions (>= 4.1) - restriction: || (&& (< monoandroid) (< net45) (>= netstandard2.0) (< win8) (< wpa81) (< xamarinios) (< xamarinmac)) (&& (>= net20) (< net45) (>= netstandard1.3))
      System.Runtime.InteropServices (>= 4.1) - restriction: || (&& (< monoandroid) (< net45) (>= netstandard2.0) (< win8) (< wpa81) (< xamarinios) (< xamarinmac)) (&& (>= net20) (< net45) (>= netstandard1.3))
      System.Threading (>= 4.0.11) - restriction: || (&& (< monoandroid) (< net45) (>= netstandard2.0) (< win8) (< wpa81) (< xamarinios) (< xamarinmac)) (&& (>= net20) (< net45) (>= netstandard1.3))
    Microsoft.DotNet.PlatformAbstractions (2.0.3) - restriction: >= netstandard2.0
      System.AppContext (>= 4.1) - restriction: || (&& (>= net20) (< net45) (>= netstandard1.3)) (&& (< net45) (>= netstandard2.0))
      System.Collections (>= 4.0.11) - restriction: || (&& (>= net20) (< net45) (>= netstandard1.3)) (&& (< net45) (>= netstandard2.0))
      System.IO (>= 4.1) - restriction: || (&& (>= net20) (< net45) (>= netstandard1.3)) (&& (< net45) (>= netstandard2.0))
      System.IO.FileSystem (>= 4.0.1) - restriction: || (&& (>= net20) (< net45) (>= netstandard1.3)) (&& (< net45) (>= netstandard2.0))
      System.Reflection.TypeExtensions (>= 4.1) - restriction: || (&& (>= net20) (< net45) (>= netstandard1.3)) (&& (< net45) (>= netstandard2.0))
      System.Runtime.Extensions (>= 4.1) - restriction: || (&& (>= net20) (< net45) (>= netstandard1.3)) (&& (< net45) (>= netstandard2.0))
      System.Runtime.InteropServices (>= 4.1) - restriction: || (&& (>= net20) (< net45) (>= netstandard1.3)) (&& (< net45) (>= netstandard2.0))
      System.Runtime.InteropServices.RuntimeInformation (>= 4.0) - restriction: || (&& (>= net20) (< net45) (>= netstandard1.3)) (&& (< net45) (>= netstandard2.0))
    Microsoft.Extensions.DependencyModel (2.0.3) - restriction: >= netstandard2.0
      Microsoft.DotNet.PlatformAbstractions (>= 2.0.3) - restriction: || (&& (>= net20) (>= netstandard1.3)) (>= net451) (>= netstandard2.0)
      Newtonsoft.Json (>= 9.0.1) - restriction: || (&& (>= net20) (>= netstandard1.3)) (>= net451) (>= netstandard2.0)
      System.Diagnostics.Debug (>= 4.0.11) - restriction: || (&& (>= net20) (< net451) (>= netstandard1.3) (< netstandard1.6)) (&& (>= net20) (< net451) (>= netstandard1.6)) (&& (< net451) (>= netstandard2.0))
      System.Dynamic.Runtime (>= 4.0.11) - restriction: || (&& (>= net20) (< net451) (>= netstandard1.3) (< netstandard1.6)) (&& (>= net20) (< net451) (>= netstandard1.6)) (&& (< net451) (>= netstandard2.0))
      System.Linq (>= 4.1) - restriction: || (&& (>= net20) (< net451) (>= netstandard1.3) (< netstandard1.6)) (&& (>= net20) (< net451) (>= netstandard1.6)) (&& (< net451) (>= netstandard2.0))
    Microsoft.NETCore.Platforms (1.0.1) - restriction: || (&& (< monoandroid) (< net45) (< netstandard1.3) (>= netstandard2.0) (< win8) (< wpa81)) (&& (< monoandroid) (< net45) (< netstandard1.5) (>= netstandard2.0) (< win8) (< wpa81)) (&& (< monoandroid) (< net45) (>= netstandard2.0) (< win8) (< wpa81) (< xamarinios) (< xamarinmac)) (&& (< monoandroid) (< net46) (>= netstandard2.0) (< xamarinios) (< xamarinmac)) (&& (>= net20) (< net45) (>= netstandard1.6)) (&& (>= net20) (< net45) (>= netstandard2.0)) (&& (>= net20) (< net46) (>= netstandard1.6)) (&& (>= net20) (< net46) (>= netstandard2.0))
    Microsoft.NETCore.Targets (1.0.1) - restriction: || (&& (< monoandroid) (< net45) (< netstandard1.3) (>= netstandard2.0) (< win8) (< wpa81)) (&& (< monoandroid) (< net45) (< netstandard1.5) (>= netstandard2.0) (< win8) (< wpa81)) (&& (< monoandroid) (< net45) (>= netstandard2.0) (< win8) (< wpa81) (< xamarinios) (< xamarinmac)) (&& (< monoandroid) (< net46) (>= netstandard2.0) (< xamarinios) (< xamarinmac)) (&& (>= net20) (< net45) (>= netstandard1.6)) (&& (>= net20) (< net45) (>= netstandard2.0)) (&& (>= net20) (< net46) (>= netstandard1.6)) (&& (>= net20) (< net46) (>= netstandard2.0))
    NativeLibraryLoader (1.0.12)
      Microsoft.Extensions.DependencyModel (>= 2.0.3) - restriction: >= netstandard2.0
    Newtonsoft.Json (9.0.1) - restriction: >= netstandard2.0
      Microsoft.CSharp (>= 4.0.1) - restriction: && (< net20) (>= netstandard2.0)
      System.Collections (>= 4.0.11) - restriction: && (< net20) (>= netstandard2.0)
      System.Diagnostics.Debug (>= 4.0.11) - restriction: && (< net20) (>= netstandard2.0)
      System.Dynamic.Runtime (>= 4.0.11) - restriction: && (< net20) (>= netstandard2.0)
      System.Globalization (>= 4.0.11) - restriction: && (< net20) (>= netstandard2.0)
      System.IO (>= 4.1) - restriction: && (< net20) (>= netstandard2.0)
      System.Linq (>= 4.1) - restriction: && (< net20) (>= netstandard2.0)
      System.Linq.Expressions (>= 4.1) - restriction: && (< net20) (>= netstandard2.0)
      System.ObjectModel (>= 4.0.12) - restriction: && (< net20) (>= netstandard2.0)
      System.Reflection (>= 4.1) - restriction: && (< net20) (>= netstandard2.0)
      System.Reflection.Extensions (>= 4.0.1) - restriction: && (< net20) (>= netstandard2.0)
      System.Resources.ResourceManager (>= 4.0.1) - restriction: && (< net20) (>= netstandard2.0)
      System.Runtime (>= 4.1) - restriction: && (< net20) (>= netstandard2.0)
      System.Runtime.Extensions (>= 4.1) - restriction: && (< net20) (>= netstandard2.0)
      System.Runtime.Serialization.Primitives (>= 4.1.1) - restriction: && (< net20) (>= netstandard2.0)
      System.Text.Encoding (>= 4.0.11) - restriction: && (< net20) (>= netstandard2.0)
      System.Text.Encoding.Extensions (>= 4.0.11) - restriction: && (< net20) (>= netstandard2.0)
      System.Text.RegularExpressions (>= 4.1) - restriction: && (< net20) (>= netstandard2.0)
      System.Threading (>= 4.0.11) - restriction: && (< net20) (>= netstandard2.0)
      System.Threading.Tasks (>= 4.0.11) - restriction: && (< net20) (>= netstandard2.0)
      System.Xml.ReaderWriter (>= 4.0.11) - restriction: && (< net20) (>= netstandard2.0)
      System.Xml.XDocument (>= 4.0.11) - restriction: && (< net20) (>= netstandard2.0)
    runtime.native.System (4.0) - restriction: || (&& (< monoandroid) (< net45) (>= netstandard2.0) (< win8) (< wpa81) (< xamarinios) (< xamarinmac)) (&& (>= net20) (< net45) (>= netstandard1.6)) (&& (>= net20) (< net45) (>= netstandard2.0))
      Microsoft.NETCore.Platforms (>= 1.0.1)
      Microsoft.NETCore.Targets (>= 1.0.1)
    runtime.native.System.Net.Http (4.0.1) - restriction: || (&& (< monoandroid) (< net45) (>= netstandard2.0) (< win8) (< wpa81) (< xamarinios) (< xamarinmac)) (&& (>= net20) (< net45) (>= netstandard1.6)) (&& (>= net20) (< net45) (>= netstandard2.0))
      Microsoft.NETCore.Platforms (>= 1.0.1)
      Microsoft.NETCore.Targets (>= 1.0.1)
    runtime.native.System.Security.Cryptography (4.0) - restriction: || (&& (< monoandroid) (< net45) (>= netstandard2.0) (< win8) (< wpa81) (< xamarinios) (< xamarinmac)) (&& (>= net20) (< net45) (>= netstandard1.6)) (&& (>= net20) (< net45) (>= netstandard2.0))
      Microsoft.NETCore.Platforms (>= 1.0.1)
      Microsoft.NETCore.Targets (>= 1.0.1)
    System.AppContext (4.1) - restriction: && (< net45) (>= netstandard2.0)
      System.Runtime (>= 4.1) - restriction: || (&& (< monoandroid) (< net46) (< netstandard1.6) (>= netstandard2.0)) (&& (< monoandroid) (< net46) (>= netstandard2.0) (< xamarinios) (< xamarinmac)) (&& (>= net20) (< net46) (>= netstandard1.3) (< netstandard1.6)) (&& (>= net20) (< net46) (>= netstandard1.6))
    System.Collections (4.0.11) - restriction: || (&& (>= net20) (>= netstandard1.6)) (>= netstandard2.0)
      Microsoft.NETCore.Platforms (>= 1.0.1) - restriction: || (&& (< monoandroid) (< net45) (< netstandard1.3) (>= netstandard2.0) (< win8) (< wpa81)) (&& (< monoandroid) (< net45) (>= netstandard2.0) (< win8) (< wpa81) (< xamarinios) (< xamarinmac)) (&& (>= net20) (< net45) (>= netstandard1.0) (< netstandard1.3)) (&& (>= net20) (< net45) (>= netstandard1.3))
      Microsoft.NETCore.Targets (>= 1.0.1) - restriction: || (&& (< monoandroid) (< net45) (< netstandard1.3) (>= netstandard2.0) (< win8) (< wpa81)) (&& (< monoandroid) (< net45) (>= netstandard2.0) (< win8) (< wpa81) (< xamarinios) (< xamarinmac)) (&& (>= net20) (< net45) (>= netstandard1.0) (< netstandard1.3)) (&& (>= net20) (< net45) (>= netstandard1.3))
      System.Runtime (>= 4.1) - restriction: || (&& (< monoandroid) (< net45) (< netstandard1.3) (>= netstandard2.0) (< win8) (< wpa81)) (&& (< monoandroid) (< net45) (>= netstandard2.0) (< win8) (< wpa81) (< xamarinios) (< xamarinmac)) (&& (>= net20) (< net45) (>= netstandard1.0) (< netstandard1.3)) (&& (>= net20) (< net45) (>= netstandard1.3))
    System.Collections.Concurrent (4.0.12) - restriction: || (&& (< monoandroid) (< net45) (< netstandard1.3) (>= netstandard2.0) (< win8) (< wpa81)) (&& (< monoandroid) (< net45) (>= netstandard2.0) (< win8) (< wpa81) (< xamarinios) (< xamarinmac)) (&& (>= net20) (< net45) (>= netstandard1.6)) (&& (>= net20) (< net45) (>= netstandard2.0))
      System.Collections (>= 4.0.11) - restriction: || (&& (< monoandroid) (< net45) (>= netstandard2.0) (< win8) (< wpa81) (< xamarinios) (< xamarinmac)) (&& (>= net20) (< net45) (>= netstandard1.3))
      System.Diagnostics.Debug (>= 4.0.11) - restriction: || (&& (< monoandroid) (< net45) (>= netstandard2.0) (< win8) (< wpa81) (< xamarinios) (< xamarinmac)) (&& (>= net20) (< net45) (>= netstandard1.3))
      System.Diagnostics.Tracing (>= 4.1) - restriction: || (&& (< monoandroid) (< net45) (>= netstandard2.0) (< win8) (< wpa81) (< xamarinios) (< xamarinmac)) (&& (>= net20) (< net45) (>= netstandard1.3))
      System.Globalization (>= 4.0.11) - restriction: || (&& (< monoandroid) (< net45) (>= netstandard2.0) (< win8) (< wpa81) (< xamarinios) (< xamarinmac)) (&& (>= net20) (< net45) (>= netstandard1.3))
      System.Reflection (>= 4.1) - restriction: || (&& (< monoandroid) (< net45) (>= netstandard2.0) (< win8) (< wpa81) (< xamarinios) (< xamarinmac)) (&& (>= net20) (< net45) (>= netstandard1.3))
      System.Resources.ResourceManager (>= 4.0.1) - restriction: || (&& (< monoandroid) (< net45) (>= netstandard2.0) (< win8) (< wpa81) (< xamarinios) (< xamarinmac)) (&& (>= net20) (< net45) (>= netstandard1.3))
      System.Runtime (>= 4.1) - restriction: || (&& (< monoandroid) (< net45) (< netstandard1.3) (>= netstandard2.0) (< win8) (< wpa81)) (&& (< monoandroid) (< net45) (>= netstandard2.0) (< win8) (< wpa81) (< xamarinios) (< xamarinmac)) (&& (>= net20) (< net45) (>= netstandard1.1) (< netstandard1.3)) (&& (>= net20) (< net45) (>= netstandard1.3))
      System.Runtime.Extensions (>= 4.1) - restriction: || (&& (< monoandroid) (< net45) (>= netstandard2.0) (< win8) (< wpa81) (< xamarinios) (< xamarinmac)) (&& (>= net20) (< net45) (>= netstandard1.3))
      System.Threading (>= 4.0.11) - restriction: || (&& (< monoandroid) (< net45) (>= netstandard2.0) (< win8) (< wpa81) (< xamarinios) (< xamarinmac)) (&& (>= net20) (< net45) (>= netstandard1.3))
      System.Threading.Tasks (>= 4.0.11) - restriction: || (&& (< monoandroid) (< net45) (< netstandard1.3) (>= netstandard2.0) (< win8) (< wpa81)) (&& (< monoandroid) (< net45) (>= netstandard2.0) (< win8) (< wpa81) (< xamarinios) (< xamarinmac)) (&& (>= net20) (< net45) (>= netstandard1.1) (< netstandard1.3)) (&& (>= net20) (< net45) (>= netstandard1.3))
    System.Console (4.0) - restriction: || (&& (>= net20) (>= netstandard1.6)) (>= netstandard2.0)
      Microsoft.NETCore.Platforms (>= 1.0.1) - restriction: || (&& (< monoandroid) (< net46) (>= netstandard2.0) (< xamarinios) (< xamarinmac)) (&& (>= net20) (< net46) (>= netstandard1.3))
      Microsoft.NETCore.Targets (>= 1.0.1) - restriction: || (&& (< monoandroid) (< net46) (>= netstandard2.0) (< xamarinios) (< xamarinmac)) (&& (>= net20) (< net46) (>= netstandard1.3))
      System.IO (>= 4.1) - restriction: || (&& (< monoandroid) (< net46) (>= netstandard2.0) (< xamarinios) (< xamarinmac)) (&& (>= net20) (< net46) (>= netstandard1.3))
      System.Runtime (>= 4.1) - restriction: || (&& (< monoandroid) (< net46) (>= netstandard2.0) (< xamarinios) (< xamarinmac)) (&& (>= net20) (< net46) (>= netstandard1.3))
      System.Text.Encoding (>= 4.0.11) - restriction: || (&& (< monoandroid) (< net46) (>= netstandard2.0) (< xamarinios) (< xamarinmac)) (&& (>= net20) (< net46) (>= netstandard1.3))
    System.Diagnostics.Debug (4.0.11) - restriction: || (&& (>= net20) (>= netstandard1.6)) (>= netstandard2.0)
      Microsoft.NETCore.Platforms (>= 1.0.1) - restriction: || (&& (< monoandroid) (< net45) (< netstandard1.3) (>= netstandard2.0) (< win8) (< wpa81)) (&& (< monoandroid) (< net45) (>= netstandard2.0) (< win8) (< wpa81) (< xamarinios) (< xamarinmac)) (&& (>= net20) (< net45) (>= netstandard1.0) (< netstandard1.3)) (&& (>= net20) (< net45) (>= netstandard1.3))
      Microsoft.NETCore.Targets (>= 1.0.1) - restriction: || (&& (< monoandroid) (< net45) (< netstandard1.3) (>= netstandard2.0) (< win8) (< wpa81)) (&& (< monoandroid) (< net45) (>= netstandard2.0) (< win8) (< wpa81) (< xamarinios) (< xamarinmac)) (&& (>= net20) (< net45) (>= netstandard1.0) (< netstandard1.3)) (&& (>= net20) (< net45) (>= netstandard1.3))
      System.Runtime (>= 4.1) - restriction: || (&& (< monoandroid) (< net45) (< netstandard1.3) (>= netstandard2.0) (< win8) (< wpa81)) (&& (< monoandroid) (< net45) (>= netstandard2.0) (< win8) (< wpa81) (< xamarinios) (< xamarinmac)) (&& (>= net20) (< net45) (>= netstandard1.0) (< netstandard1.3)) (&& (>= net20) (< net45) (>= netstandard1.3))
    System.Diagnostics.DiagnosticSource (4.0) - restriction: || (&& (< monoandroid) (< net45) (< netstandard1.6) (>= netstandard2.0) (< win8) (< wpa81)) (&& (< monoandroid) (< net45) (>= netstandard2.0) (< win8) (< wpa81) (< xamarinios) (< xamarinmac)) (&& (>= net20) (< net45) (>= netstandard1.6)) (&& (>= net20) (< net45) (>= netstandard2.0)) (&& (< net45) (>= net46) (>= netstandard1.6)) (&& (< net45) (>= net46) (>= netstandard2.0))
      System.Collections (>= 4.0.11) - restriction: || (&& (< monoandroid) (< net45) (< netstandard1.3) (>= netstandard2.0) (< win8) (< wpa81)) (&& (< monoandroid) (< net45) (>= netstandard2.0) (< win8) (< wpa81) (< xamarinios) (< xamarinmac)) (&& (>= net20) (< net45) (>= netstandard1.1) (< netstandard1.3)) (&& (>= net20) (< net45) (>= netstandard1.3))
      System.Diagnostics.Tracing (>= 4.1) - restriction: || (&& (< monoandroid) (< net45) (< netstandard1.3) (>= netstandard2.0) (< win8) (< wpa81)) (&& (< monoandroid) (< net45) (>= netstandard2.0) (< win8) (< wpa81) (< xamarinios) (< xamarinmac)) (&& (>= net20) (< net45) (>= netstandard1.1) (< netstandard1.3)) (&& (>= net20) (< net45) (>= netstandard1.3))
      System.Reflection (>= 4.1) - restriction: || (&& (< monoandroid) (< net45) (< netstandard1.3) (>= netstandard2.0) (< win8) (< wpa81)) (&& (< monoandroid) (< net45) (>= netstandard2.0) (< win8) (< wpa81) (< xamarinios) (< xamarinmac)) (&& (>= net20) (< net45) (>= netstandard1.1) (< netstandard1.3)) (&& (>= net20) (< net45) (>= netstandard1.3))
      System.Runtime (>= 4.1) - restriction: || (&& (< monoandroid) (< net45) (< netstandard1.3) (>= netstandard2.0) (< win8) (< wpa81)) (&& (< monoandroid) (< net45) (>= netstandard2.0) (< win8) (< wpa81) (< xamarinios) (< xamarinmac)) (&& (>= net20) (< net45) (>= netstandard1.1) (< netstandard1.3)) (&& (>= net20) (< net45) (>= netstandard1.3))
      System.Threading (>= 4.0.11) - restriction: || (&& (< monoandroid) (< net45) (< netstandard1.3) (>= netstandard2.0) (< win8) (< wpa81)) (&& (< monoandroid) (< net45) (>= netstandard2.0) (< win8) (< wpa81) (< xamarinios) (< xamarinmac)) (&& (>= net20) (< net45) (>= netstandard1.1) (< netstandard1.3)) (&& (>= net20) (< net45) (>= netstandard1.3))
    System.Diagnostics.Tools (4.0.1) - restriction: || (&& (>= net20) (>= netstandard1.6)) (>= netstandard2.0)
      Microsoft.NETCore.Platforms (>= 1.0.1) - restriction: || (&& (< monoandroid) (< net45) (>= netstandard2.0) (< win8) (< wpa81) (< xamarinios) (< xamarinmac)) (&& (>= net20) (< net45) (>= netstandard1.0))
      Microsoft.NETCore.Targets (>= 1.0.1) - restriction: || (&& (< monoandroid) (< net45) (>= netstandard2.0) (< win8) (< wpa81) (< xamarinios) (< xamarinmac)) (&& (>= net20) (< net45) (>= netstandard1.0))
      System.Runtime (>= 4.1) - restriction: || (&& (< monoandroid) (< net45) (>= netstandard2.0) (< win8) (< wpa81) (< xamarinios) (< xamarinmac)) (&& (>= net20) (< net45) (>= netstandard1.0))
    System.Diagnostics.Tracing (4.1) - restriction: || (&& (< monoandroid) (< net45) (>= netstandard2.0) (< win8) (< wpa81) (< xamarinios) (< xamarinmac)) (&& (>= net20) (< net45) (>= netstandard1.6)) (&& (>= net20) (< net45) (>= netstandard2.0))
      Microsoft.NETCore.Platforms (>= 1.0.1) - restriction: || (&& (< monoandroid) (< net45) (< netstandard1.2) (>= netstandard2.0) (< win8)) (&& (< monoandroid) (< net45) (< netstandard1.3) (>= netstandard2.0) (< win8) (< wpa81)) (&& (< monoandroid) (< net45) (< netstandard1.5) (>= netstandard2.0) (< win8) (< wpa81)) (&& (< monoandroid) (< net45) (>= netstandard2.0) (< win8) (< wpa81) (< xamarinios) (< xamarinmac)) (&& (>= net20) (< net45) (>= netstandard1.1) (< netstandard1.2)) (&& (>= net20) (< net45) (>= netstandard1.2) (< netstandard1.3)) (&& (>= net20) (< net45) (>= netstandard1.3) (< netstandard1.5)) (&& (>= net20) (< net45) (>= netstandard1.5))
      Microsoft.NETCore.Targets (>= 1.0.1) - restriction: || (&& (< monoandroid) (< net45) (< netstandard1.2) (>= netstandard2.0) (< win8)) (&& (< monoandroid) (< net45) (< netstandard1.3) (>= netstandard2.0) (< win8) (< wpa81)) (&& (< monoandroid) (< net45) (< netstandard1.5) (>= netstandard2.0) (< win8) (< wpa81)) (&& (< monoandroid) (< net45) (>= netstandard2.0) (< win8) (< wpa81) (< xamarinios) (< xamarinmac)) (&& (>= net20) (< net45) (>= netstandard1.1) (< netstandard1.2)) (&& (>= net20) (< net45) (>= netstandard1.2) (< netstandard1.3)) (&& (>= net20) (< net45) (>= netstandard1.3) (< netstandard1.5)) (&& (>= net20) (< net45) (>= netstandard1.5))
      System.Runtime (>= 4.1) - restriction: || (&& (< monoandroid) (< net45) (< netstandard1.2) (>= netstandard2.0) (< win8)) (&& (< monoandroid) (< net45) (< netstandard1.3) (>= netstandard2.0) (< win8) (< wpa81)) (&& (< monoandroid) (< net45) (< netstandard1.5) (>= netstandard2.0) (< win8) (< wpa81)) (&& (< monoandroid) (< net45) (>= netstandard2.0) (< win8) (< wpa81) (< xamarinios) (< xamarinmac)) (&& (>= net20) (< net45) (>= netstandard1.1) (< netstandard1.2)) (&& (>= net20) (< net45) (>= netstandard1.2) (< netstandard1.3)) (&& (>= net20) (< net45) (>= netstandard1.3) (< netstandard1.5)) (&& (>= net20) (< net45) (>= netstandard1.5))
    System.Dynamic.Runtime (4.0.11) - restriction: || (&& (< monoandroid) (< net20) (< netstandard1.3) (>= netstandard2.0) (< win8) (< wpa81)) (&& (< monoandroid) (< net20) (>= netstandard2.0) (< win8) (< wpa81) (< xamarinios) (< xamarinmac)) (&& (< net451) (>= netstandard2.0))
      System.Collections (>= 4.0.11) - restriction: || (&& (< monoandroid) (< net45) (>= netstandard2.0) (< win8) (< wpa81) (< xamarinios) (< xamarinmac)) (&& (>= net20) (< net45) (>= netstandard1.3))
      System.Diagnostics.Debug (>= 4.0.11) - restriction: || (&& (< monoandroid) (< net45) (>= netstandard2.0) (< win8) (< wpa81) (< xamarinios) (< xamarinmac)) (&& (>= net20) (< net45) (>= netstandard1.3))
      System.Globalization (>= 4.0.11) - restriction: || (&& (< monoandroid) (< net45) (>= netstandard2.0) (< win8) (< wpa81) (< xamarinios) (< xamarinmac)) (&& (>= net20) (< net45) (>= netstandard1.3))
      System.Linq (>= 4.1) - restriction: || (&& (< monoandroid) (< net45) (>= netstandard2.0) (< win8) (< wpa81) (< xamarinios) (< xamarinmac)) (&& (>= net20) (< net45) (>= netstandard1.3))
      System.Linq.Expressions (>= 4.1) - restriction: || (&& (< monoandroid) (< net45) (< netstandard1.3) (>= netstandard2.0) (< win8) (< wpa81)) (&& (< monoandroid) (< net45) (>= netstandard2.0) (< win8) (< wpa81) (< xamarinios) (< xamarinmac)) (&& (>= net20) (< net45) (>= netstandard1.0) (< netstandard1.3)) (&& (>= net20) (< net45) (>= netstandard1.3))
      System.ObjectModel (>= 4.0.12) - restriction: || (&& (< monoandroid) (< net45) (< netstandard1.3) (>= netstandard2.0) (< win8) (< wpa81)) (&& (< monoandroid) (< net45) (>= netstandard2.0) (< win8) (< wpa81) (< xamarinios) (< xamarinmac)) (&& (>= net20) (< net45) (>= netstandard1.0) (< netstandard1.3)) (&& (>= net20) (< net45) (>= netstandard1.3))
      System.Reflection (>= 4.1) - restriction: || (&& (< monoandroid) (< net45) (< netstandard1.3) (>= netstandard2.0) (< win8) (< wpa81)) (&& (< monoandroid) (< net45) (>= netstandard2.0) (< win8) (< wpa81) (< xamarinios) (< xamarinmac)) (&& (>= net20) (< net45) (>= netstandard1.0) (< netstandard1.3)) (&& (>= net20) (< net45) (>= netstandard1.3))
      System.Reflection.Emit (>= 4.0.1) - restriction: || (&& (< monoandroid) (< net45) (>= netstandard2.0) (< win8) (< wpa81) (< xamarinios) (< xamarinmac)) (&& (>= net20) (< net45) (>= netstandard1.3))
      System.Reflection.Emit.ILGeneration (>= 4.0.1) - restriction: || (&& (< monoandroid) (< net45) (>= netstandard2.0) (< win8) (< wpa81) (< xamarinios) (< xamarinmac)) (&& (>= net20) (< net45) (>= netstandard1.3))
      System.Reflection.Primitives (>= 4.0.1) - restriction: || (&& (< monoandroid) (< net45) (>= netstandard2.0) (< win8) (< wpa81) (< xamarinios) (< xamarinmac)) (&& (>= net20) (< net45) (>= netstandard1.3))
      System.Reflection.TypeExtensions (>= 4.1) - restriction: || (&& (< monoandroid) (< net45) (>= netstandard2.0) (< win8) (< wpa81) (< xamarinios) (< xamarinmac)) (&& (>= net20) (< net45) (>= netstandard1.3))
      System.Resources.ResourceManager (>= 4.0.1) - restriction: || (&& (< monoandroid) (< net45) (>= netstandard2.0) (< win8) (< wpa81) (< xamarinios) (< xamarinmac)) (&& (>= net20) (< net45) (>= netstandard1.3))
      System.Runtime (>= 4.1) - restriction: || (&& (< monoandroid) (< net45) (< netstandard1.3) (>= netstandard2.0) (< win8) (< wpa81)) (&& (< monoandroid) (< net45) (>= netstandard2.0) (< win8) (< wpa81) (< xamarinios) (< xamarinmac)) (&& (>= net20) (< net45) (>= netstandard1.0) (< netstandard1.3)) (&& (>= net20) (< net45) (>= netstandard1.3))
      System.Runtime.Extensions (>= 4.1) - restriction: || (&& (< monoandroid) (< net45) (>= netstandard2.0) (< win8) (< wpa81) (< xamarinios) (< xamarinmac)) (&& (>= net20) (< net45) (>= netstandard1.3))
      System.Threading (>= 4.0.11) - restriction: || (&& (< monoandroid) (< net45) (>= netstandard2.0) (< win8) (< wpa81) (< xamarinios) (< xamarinmac)) (&& (>= net20) (< net45) (>= netstandard1.3))
    System.Globalization (4.0.11) - restriction: || (&& (>= net20) (>= netstandard1.6)) (>= netstandard2.0)
      Microsoft.NETCore.Platforms (>= 1.0.1) - restriction: || (&& (< monoandroid) (< net45) (< netstandard1.3) (>= netstandard2.0) (< win8) (< wpa81)) (&& (< monoandroid) (< net45) (>= netstandard2.0) (< win8) (< wpa81) (< xamarinios) (< xamarinmac)) (&& (>= net20) (< net45) (>= netstandard1.0) (< netstandard1.3)) (&& (>= net20) (< net45) (>= netstandard1.3))
      Microsoft.NETCore.Targets (>= 1.0.1) - restriction: || (&& (< monoandroid) (< net45) (< netstandard1.3) (>= netstandard2.0) (< win8) (< wpa81)) (&& (< monoandroid) (< net45) (>= netstandard2.0) (< win8) (< wpa81) (< xamarinios) (< xamarinmac)) (&& (>= net20) (< net45) (>= netstandard1.0) (< netstandard1.3)) (&& (>= net20) (< net45) (>= netstandard1.3))
      System.Runtime (>= 4.1) - restriction: || (&& (< monoandroid) (< net45) (< netstandard1.3) (>= netstandard2.0) (< win8) (< wpa81)) (&& (< monoandroid) (< net45) (>= netstandard2.0) (< win8) (< wpa81) (< xamarinios) (< xamarinmac)) (&& (>= net20) (< net45) (>= netstandard1.0) (< netstandard1.3)) (&& (>= net20) (< net45) (>= netstandard1.3))
    System.Globalization.Calendars (4.0.1) - restriction: || (&& (< monoandroid) (< net45) (< netstandard1.6) (>= netstandard2.0) (< win8) (< wpa81)) (&& (< monoandroid) (< net45) (>= netstandard2.0) (< win8) (< wpa81) (< xamarinios) (< xamarinmac)) (&& (>= net20) (< net45) (>= netstandard1.6)) (&& (>= net20) (< net45) (>= netstandard2.0)) (&& (< net45) (>= net46) (>= netstandard1.6)) (&& (< net45) (>= net46) (>= netstandard2.0))
      Microsoft.NETCore.Platforms (>= 1.0.1) - restriction: || (&& (< monoandroid) (< net46) (>= netstandard2.0) (< xamarinios) (< xamarinmac)) (&& (>= net20) (< net46) (>= netstandard1.3))
      Microsoft.NETCore.Targets (>= 1.0.1) - restriction: || (&& (< monoandroid) (< net46) (>= netstandard2.0) (< xamarinios) (< xamarinmac)) (&& (>= net20) (< net46) (>= netstandard1.3))
      System.Globalization (>= 4.0.11) - restriction: || (&& (< monoandroid) (< net46) (>= netstandard2.0) (< xamarinios) (< xamarinmac)) (&& (>= net20) (< net46) (>= netstandard1.3))
      System.Runtime (>= 4.1) - restriction: || (&& (< monoandroid) (< net46) (>= netstandard2.0) (< xamarinios) (< xamarinmac)) (&& (>= net20) (< net46) (>= netstandard1.3))
    System.Globalization.Extensions (4.0.1) - restriction: || (&& (< monoandroid) (< net45) (>= netstandard2.0) (< win8) (< wpa81) (< xamarinios) (< xamarinmac)) (&& (>= net20) (< net45) (>= netstandard1.6)) (&& (>= net20) (< net45) (>= netstandard2.0))
      Microsoft.NETCore.Platforms (>= 1.0.1) - restriction: || (&& (< monoandroid) (< net46) (>= netstandard2.0) (< xamarinios) (< xamarinmac)) (&& (>= net20) (< net46) (>= netstandard1.3))
      System.Globalization (>= 4.0.11) - restriction: || (&& (< monoandroid) (< net46) (>= netstandard2.0) (< xamarinios) (< xamarinmac)) (&& (>= net20) (< net46) (>= netstandard1.3))
      System.Resources.ResourceManager (>= 4.0.1) - restriction: || (&& (< monoandroid) (< net46) (>= netstandard2.0) (< xamarinios) (< xamarinmac)) (&& (>= net20) (< net46) (>= netstandard1.3))
      System.Runtime (>= 4.1) - restriction: || (&& (< monoandroid) (< net46) (>= netstandard2.0) (< xamarinios) (< xamarinmac)) (&& (>= net20) (< net46) (>= netstandard1.3))
      System.Runtime.Extensions (>= 4.1) - restriction: || (&& (< monoandroid) (< net46) (>= netstandard2.0) (< xamarinios) (< xamarinmac)) (&& (>= net20) (< net46) (>= netstandard1.3))
      System.Runtime.InteropServices (>= 4.1) - restriction: || (&& (< monoandroid) (< net46) (>= netstandard2.0) (< xamarinios) (< xamarinmac)) (&& (>= net20) (< net46) (>= netstandard1.3))
    System.IO (4.1) - restriction: || (&& (>= net20) (>= netstandard1.6)) (>= netstandard2.0)
      Microsoft.NETCore.Platforms (>= 1.0.1) - restriction: || (&& (< monoandroid) (< net45) (< netstandard1.3) (>= netstandard2.0) (< win8) (< wpa81)) (&& (< monoandroid) (< net45) (< netstandard1.5) (>= netstandard2.0) (< win8) (< wpa81)) (&& (< monoandroid) (< net45) (>= netstandard2.0) (< win8) (< wpa81) (< xamarinios) (< xamarinmac)) (&& (>= net20) (< net45) (>= netstandard1.0) (< netstandard1.3)) (&& (>= net20) (< net45) (>= netstandard1.3) (< netstandard1.5)) (&& (>= net20) (< net45) (>= netstandard1.5))
      Microsoft.NETCore.Targets (>= 1.0.1) - restriction: || (&& (< monoandroid) (< net45) (< netstandard1.3) (>= netstandard2.0) (< win8) (< wpa81)) (&& (< monoandroid) (< net45) (< netstandard1.5) (>= netstandard2.0) (< win8) (< wpa81)) (&& (< monoandroid) (< net45) (>= netstandard2.0) (< win8) (< wpa81) (< xamarinios) (< xamarinmac)) (&& (>= net20) (< net45) (>= netstandard1.0) (< netstandard1.3)) (&& (>= net20) (< net45) (>= netstandard1.3) (< netstandard1.5)) (&& (>= net20) (< net45) (>= netstandard1.5))
      System.Runtime (>= 4.1) - restriction: || (&& (< monoandroid) (< net45) (< netstandard1.3) (>= netstandard2.0) (< win8) (< wpa81)) (&& (< monoandroid) (< net45) (< netstandard1.5) (>= netstandard2.0) (< win8) (< wpa81)) (&& (< monoandroid) (< net45) (>= netstandard2.0) (< win8) (< wpa81) (< xamarinios) (< xamarinmac)) (&& (>= net20) (< net45) (>= netstandard1.0) (< netstandard1.3)) (&& (>= net20) (< net45) (>= netstandard1.3) (< netstandard1.5)) (&& (>= net20) (< net45) (>= netstandard1.5))
      System.Text.Encoding (>= 4.0.11) - restriction: || (&& (< monoandroid) (< net45) (< netstandard1.3) (>= netstandard2.0) (< win8) (< wpa81)) (&& (< monoandroid) (< net45) (< netstandard1.5) (>= netstandard2.0) (< win8) (< wpa81)) (&& (< monoandroid) (< net45) (>= netstandard2.0) (< win8) (< wpa81) (< xamarinios) (< xamarinmac)) (&& (>= net20) (< net45) (>= netstandard1.0) (< netstandard1.3)) (&& (>= net20) (< net45) (>= netstandard1.3) (< netstandard1.5)) (&& (>= net20) (< net45) (>= netstandard1.5))
      System.Threading.Tasks (>= 4.0.11) - restriction: || (&& (< monoandroid) (< net45) (< netstandard1.3) (>= netstandard2.0) (< win8) (< wpa81)) (&& (< monoandroid) (< net45) (< netstandard1.5) (>= netstandard2.0) (< win8) (< wpa81)) (&& (< monoandroid) (< net45) (>= netstandard2.0) (< win8) (< wpa81) (< xamarinios) (< xamarinmac)) (&& (>= net20) (< net45) (>= netstandard1.0) (< netstandard1.3)) (&& (>= net20) (< net45) (>= netstandard1.3) (< netstandard1.5)) (&& (>= net20) (< net45) (>= netstandard1.5))
    System.IO.FileSystem (4.0.1) - restriction: || (&& (>= net20) (< net45) (>= netstandard1.6)) (&& (< net45) (>= netstandard2.0))
      Microsoft.NETCore.Platforms (>= 1.0.1) - restriction: || (&& (< monoandroid) (< net46) (>= netstandard2.0) (< xamarinios) (< xamarinmac)) (&& (>= net20) (< net46) (>= netstandard1.3))
      Microsoft.NETCore.Targets (>= 1.0.1) - restriction: || (&& (< monoandroid) (< net46) (>= netstandard2.0) (< xamarinios) (< xamarinmac)) (&& (>= net20) (< net46) (>= netstandard1.3))
      System.IO (>= 4.1) - restriction: || (&& (< monoandroid) (< net46) (>= netstandard2.0) (< xamarinios) (< xamarinmac)) (&& (>= net20) (< net46) (>= netstandard1.3))
      System.IO.FileSystem.Primitives (>= 4.0.1) - restriction: || (&& (< monoandroid) (>= netstandard2.0) (< xamarinios) (< xamarinmac)) (&& (>= net20) (>= netstandard1.3)) (>= net46)
      System.Runtime (>= 4.1) - restriction: || (&& (< monoandroid) (< net46) (>= netstandard2.0) (< xamarinios) (< xamarinmac)) (&& (>= net20) (< net46) (>= netstandard1.3))
      System.Runtime.Handles (>= 4.0.1) - restriction: || (&& (< monoandroid) (< net46) (>= netstandard2.0) (< xamarinios) (< xamarinmac)) (&& (>= net20) (< net46) (>= netstandard1.3))
      System.Text.Encoding (>= 4.0.11) - restriction: || (&& (< monoandroid) (< net46) (>= netstandard2.0) (< xamarinios) (< xamarinmac)) (&& (>= net20) (< net46) (>= netstandard1.3))
      System.Threading.Tasks (>= 4.0.11) - restriction: || (&& (< monoandroid) (< net46) (>= netstandard2.0) (< xamarinios) (< xamarinmac)) (&& (>= net20) (< net46) (>= netstandard1.3))
    System.IO.FileSystem.Primitives (4.0.1) - restriction: || (&& (< monoandroid) (< net45) (< netstandard1.6) (>= netstandard2.0) (< win8) (< wpa81)) (&& (< monoandroid) (< net45) (>= netstandard2.0) (< xamarinios) (< xamarinmac)) (&& (>= net20) (< net45) (>= netstandard1.6)) (&& (>= net20) (< net45) (>= netstandard2.0)) (&& (< net45) (>= net46) (>= netstandard1.6)) (&& (< net45) (>= net46) (>= netstandard2.0))
      System.Runtime (>= 4.1) - restriction: || (&& (< monoandroid) (< net46) (>= netstandard2.0) (< xamarinios) (< xamarinmac)) (&& (>= net20) (< net46) (>= netstandard1.3))
    System.Linq (4.1) - restriction: || (&& (>= net20) (>= netstandard1.6)) (>= netstandard2.0)
      System.Collections (>= 4.0.11) - restriction: || (&& (< monoandroid) (< net45) (< netstandard1.6) (>= netstandard2.0) (< win8) (< wpa81)) (&& (< monoandroid) (< net45) (>= netstandard2.0) (< xamarinios) (< xamarinmac)) (&& (>= net20) (< net45) (>= netstandard1.0) (< netstandard1.6)) (&& (>= net20) (< net45) (>= netstandard1.6))
      System.Diagnostics.Debug (>= 4.0.11) - restriction: || (&& (< monoandroid) (< net45) (>= netstandard2.0) (< xamarinios) (< xamarinmac)) (&& (>= net20) (< net45) (>= netstandard1.6))
      System.Resources.ResourceManager (>= 4.0.1) - restriction: || (&& (< monoandroid) (< net45) (>= netstandard2.0) (< xamarinios) (< xamarinmac)) (&& (>= net20) (< net45) (>= netstandard1.6))
      System.Runtime (>= 4.1) - restriction: || (&& (< monoandroid) (< net45) (< netstandard1.6) (>= netstandard2.0) (< win8) (< wpa81)) (&& (< monoandroid) (< net45) (>= netstandard2.0) (< xamarinios) (< xamarinmac)) (&& (>= net20) (< net45) (>= netstandard1.0) (< netstandard1.6)) (&& (>= net20) (< net45) (>= netstandard1.6))
      System.Runtime.Extensions (>= 4.1) - restriction: || (&& (< monoandroid) (< net45) (>= netstandard2.0) (< xamarinios) (< xamarinmac)) (&& (>= net20) (< net45) (>= netstandard1.6))
    System.Linq.Expressions (4.1) - restriction: || (&& (>= net20) (>= netstandard1.6)) (>= netstandard2.0)
      System.Collections (>= 4.0.11) - restriction: || (&& (< monoandroid) (< net45) (>= netstandard2.0) (< xamarinios) (< xamarinmac)) (&& (>= net20) (< net45) (>= netstandard1.6))
      System.Diagnostics.Debug (>= 4.0.11) - restriction: || (&& (< monoandroid) (< net45) (>= netstandard2.0) (< xamarinios) (< xamarinmac)) (&& (>= net20) (< net45) (>= netstandard1.6))
      System.Globalization (>= 4.0.11) - restriction: || (&& (< monoandroid) (< net45) (>= netstandard2.0) (< xamarinios) (< xamarinmac)) (&& (>= net20) (< net45) (>= netstandard1.6))
      System.IO (>= 4.1) - restriction: || (&& (< monoandroid) (< net45) (>= netstandard2.0) (< xamarinios) (< xamarinmac)) (&& (>= net20) (< net45) (>= netstandard1.6))
      System.Linq (>= 4.1) - restriction: || (&& (< monoandroid) (< net45) (>= netstandard2.0) (< xamarinios) (< xamarinmac)) (&& (>= net20) (< net45) (>= netstandard1.6))
      System.ObjectModel (>= 4.0.12) - restriction: || (&& (< monoandroid) (< net45) (>= netstandard2.0) (< xamarinios) (< xamarinmac)) (&& (>= net20) (< net45) (>= netstandard1.6))
      System.Reflection (>= 4.1) - restriction: || (&& (< monoandroid) (< net45) (< netstandard1.3) (>= netstandard2.0) (< win8) (< wpa81)) (&& (< monoandroid) (< net45) (< netstandard1.6) (>= netstandard2.0) (< win8) (< wpa81)) (&& (< monoandroid) (< net45) (>= netstandard2.0) (< xamarinios) (< xamarinmac)) (&& (>= net20) (< net45) (>= netstandard1.0) (< netstandard1.3)) (&& (>= net20) (< net45) (>= netstandard1.3) (< netstandard1.6)) (&& (>= net20) (< net45) (>= netstandard1.6))
      System.Reflection.Emit (>= 4.0.1) - restriction: || (&& (< monoandroid) (< net45) (>= netstandard2.0) (< xamarinios) (< xamarinmac)) (&& (>= net20) (< net45) (>= netstandard1.6))
      System.Reflection.Emit.ILGeneration (>= 4.0.1) - restriction: || (&& (< monoandroid) (< net45) (>= netstandard2.0) (< xamarinios) (< xamarinmac)) (&& (>= net20) (< net45) (>= netstandard1.6))
      System.Reflection.Emit.Lightweight (>= 4.0.1) - restriction: || (&& (< monoandroid) (< net45) (>= netstandard2.0) (< xamarinios) (< xamarinmac)) (&& (>= net20) (< net45) (>= netstandard1.6))
      System.Reflection.Extensions (>= 4.0.1) - restriction: || (&& (< monoandroid) (< net45) (>= netstandard2.0) (< xamarinios) (< xamarinmac)) (&& (>= net20) (< net45) (>= netstandard1.6))
      System.Reflection.Primitives (>= 4.0.1) - restriction: || (&& (< monoandroid) (< net45) (>= netstandard2.0) (< xamarinios) (< xamarinmac)) (&& (>= net20) (< net45) (>= netstandard1.6))
      System.Reflection.TypeExtensions (>= 4.1) - restriction: || (&& (< monoandroid) (< net45) (>= netstandard2.0) (< xamarinios) (< xamarinmac)) (&& (>= net20) (< net45) (>= netstandard1.6))
      System.Resources.ResourceManager (>= 4.0.1) - restriction: || (&& (< monoandroid) (< net45) (>= netstandard2.0) (< xamarinios) (< xamarinmac)) (&& (>= net20) (< net45) (>= netstandard1.6))
      System.Runtime (>= 4.1) - restriction: || (&& (< monoandroid) (< net45) (< netstandard1.3) (>= netstandard2.0) (< win8) (< wpa81)) (&& (< monoandroid) (< net45) (< netstandard1.6) (>= netstandard2.0) (< win8) (< wpa81)) (&& (< monoandroid) (< net45) (>= netstandard2.0) (< xamarinios) (< xamarinmac)) (&& (>= net20) (< net45) (>= netstandard1.0) (< netstandard1.3)) (&& (>= net20) (< net45) (>= netstandard1.3) (< netstandard1.6)) (&& (>= net20) (< net45) (>= netstandard1.6))
      System.Runtime.Extensions (>= 4.1) - restriction: || (&& (< monoandroid) (< net45) (>= netstandard2.0) (< xamarinios) (< xamarinmac)) (&& (>= net20) (< net45) (>= netstandard1.6))
      System.Threading (>= 4.0.11) - restriction: || (&& (< monoandroid) (< net45) (>= netstandard2.0) (< xamarinios) (< xamarinmac)) (&& (>= net20) (< net45) (>= netstandard1.6))
    System.Linq.Queryable (4.0.1) - restriction: || (&& (>= net20) (>= netstandard1.6)) (>= netstandard2.0)
      System.Collections (>= 4.0.11) - restriction: || (&& (< monoandroid) (< net45) (>= netstandard2.0) (< win8) (< wpa81) (< xamarinios) (< xamarinmac)) (&& (>= net20) (< net45) (>= netstandard1.3))
      System.Diagnostics.Debug (>= 4.0.11) - restriction: || (&& (< monoandroid) (< net45) (>= netstandard2.0) (< win8) (< wpa81) (< xamarinios) (< xamarinmac)) (&& (>= net20) (< net45) (>= netstandard1.3))
      System.Linq (>= 4.1) - restriction: || (&& (< monoandroid) (< net45) (< netstandard1.3) (>= netstandard2.0) (< win8) (< wpa81)) (&& (< monoandroid) (< net45) (>= netstandard2.0) (< win8) (< wpa81) (< xamarinios) (< xamarinmac)) (&& (>= net20) (< net45) (>= netstandard1.0) (< netstandard1.3)) (&& (>= net20) (< net45) (>= netstandard1.3))
      System.Linq.Expressions (>= 4.1) - restriction: || (&& (< monoandroid) (< net45) (< netstandard1.3) (>= netstandard2.0) (< win8) (< wpa81)) (&& (< monoandroid) (< net45) (>= netstandard2.0) (< win8) (< wpa81) (< xamarinios) (< xamarinmac)) (&& (>= net20) (< net45) (>= netstandard1.0) (< netstandard1.3)) (&& (>= net20) (< net45) (>= netstandard1.3))
      System.Reflection (>= 4.1) - restriction: || (&& (< monoandroid) (< net45) (>= netstandard2.0) (< win8) (< wpa81) (< xamarinios) (< xamarinmac)) (&& (>= net20) (< net45) (>= netstandard1.3))
      System.Reflection.Extensions (>= 4.0.1) - restriction: || (&& (< monoandroid) (< net45) (>= netstandard2.0) (< win8) (< wpa81) (< xamarinios) (< xamarinmac)) (&& (>= net20) (< net45) (>= netstandard1.3))
      System.Resources.ResourceManager (>= 4.0.1) - restriction: || (&& (< monoandroid) (< net45) (>= netstandard2.0) (< win8) (< wpa81) (< xamarinios) (< xamarinmac)) (&& (>= net20) (< net45) (>= netstandard1.3))
      System.Runtime (>= 4.1) - restriction: || (&& (< monoandroid) (< net45) (< netstandard1.3) (>= netstandard2.0) (< win8) (< wpa81)) (&& (< monoandroid) (< net45) (>= netstandard2.0) (< win8) (< wpa81) (< xamarinios) (< xamarinmac)) (&& (>= net20) (< net45) (>= netstandard1.0) (< netstandard1.3)) (&& (>= net20) (< net45) (>= netstandard1.3))
    System.Net.Http (4.1) - restriction: || (&& (< monoandroid) (< net45) (>= netstandard2.0) (< win8) (< wpa81) (< xamarinios) (< xamarinmac)) (&& (>= net20) (< net45) (>= netstandard1.6)) (&& (>= net20) (< net45) (>= netstandard2.0))
      Microsoft.NETCore.Platforms (>= 1.0.1) - restriction: || (&& (< monoandroid) (< net45) (< netstandard1.6) (>= netstandard2.0) (< win8) (< wpa81)) (&& (< monoandroid) (< net45) (>= netstandard2.0) (< xamarinios) (< xamarinmac)) (&& (>= net20) (< net45) (>= netstandard1.3) (< netstandard1.6)) (&& (>= net20) (< net45) (>= netstandard1.6))
      runtime.native.System (>= 4.0) - restriction: || (&& (< monoandroid) (< net45) (>= netstandard2.0) (< xamarinios) (< xamarinmac)) (&& (>= net20) (< net45) (>= netstandard1.6))
      runtime.native.System.Net.Http (>= 4.0.1) - restriction: || (&& (< monoandroid) (< net45) (>= netstandard2.0) (< xamarinios) (< xamarinmac)) (&& (>= net20) (< net45) (>= netstandard1.6))
      runtime.native.System.Security.Cryptography (>= 4.0) - restriction: || (&& (< monoandroid) (< net45) (>= netstandard2.0) (< xamarinios) (< xamarinmac)) (&& (>= net20) (< net45) (>= netstandard1.6))
      System.Collections (>= 4.0.11) - restriction: || (&& (< monoandroid) (< net45) (< netstandard1.6) (>= netstandard2.0) (< win8) (< wpa81)) (&& (< monoandroid) (< net45) (>= netstandard2.0) (< xamarinios) (< xamarinmac)) (&& (>= net20) (< net45) (>= netstandard1.3) (< netstandard1.6)) (&& (>= net20) (< net45) (>= netstandard1.6))
      System.Diagnostics.Debug (>= 4.0.11) - restriction: || (&& (< monoandroid) (< net45) (< netstandard1.6) (>= netstandard2.0) (< win8) (< wpa81)) (&& (< monoandroid) (< net45) (>= netstandard2.0) (< xamarinios) (< xamarinmac)) (&& (>= net20) (< net45) (>= netstandard1.3) (< netstandard1.6)) (&& (>= net20) (< net45) (>= netstandard1.6))
      System.Diagnostics.DiagnosticSource (>= 4.0) - restriction: || (&& (< monoandroid) (< net45) (< netstandard1.6) (>= netstandard2.0) (< win8) (< wpa81)) (&& (< monoandroid) (< net45) (>= netstandard2.0) (< xamarinios) (< xamarinmac)) (&& (>= net20) (< net45) (>= netstandard1.3) (< netstandard1.6)) (&& (>= net20) (< net45) (>= netstandard1.6)) (>= net46)
      System.Diagnostics.Tracing (>= 4.1) - restriction: || (&& (< monoandroid) (< net45) (< netstandard1.6) (>= netstandard2.0) (< win8) (< wpa81)) (&& (< monoandroid) (< net45) (>= netstandard2.0) (< xamarinios) (< xamarinmac)) (&& (>= net20) (< net45) (>= netstandard1.3) (< netstandard1.6)) (&& (>= net20) (< net45) (>= netstandard1.6))
      System.Globalization (>= 4.0.11) - restriction: || (&& (< monoandroid) (< net45) (< netstandard1.6) (>= netstandard2.0) (< win8) (< wpa81)) (&& (< monoandroid) (< net45) (>= netstandard2.0) (< xamarinios) (< xamarinmac)) (&& (>= net20) (< net45) (>= netstandard1.3) (< netstandard1.6)) (&& (>= net20) (< net45) (>= netstandard1.6))
      System.Globalization.Extensions (>= 4.0.1) - restriction: || (&& (< monoandroid) (< net45) (>= netstandard2.0) (< xamarinios) (< xamarinmac)) (&& (>= net20) (< net45) (>= netstandard1.6))
      System.IO (>= 4.1) - restriction: || (&& (< monoandroid) (< net45) (< netstandard1.3) (>= netstandard2.0) (< win8) (< wpa81)) (&& (< monoandroid) (< net45) (< netstandard1.6) (>= netstandard2.0) (< win8) (< wpa81)) (&& (< monoandroid) (< net45) (>= netstandard2.0) (< xamarinios) (< xamarinmac)) (&& (>= net20) (< net45) (>= netstandard1.1) (< netstandard1.3)) (&& (>= net20) (< net45) (>= netstandard1.3) (< netstandard1.6)) (&& (>= net20) (< net45) (>= netstandard1.6))
      System.IO.FileSystem (>= 4.0.1) - restriction: || (&& (< monoandroid) (< net45) (>= netstandard2.0) (< xamarinios) (< xamarinmac)) (&& (>= net20) (< net45) (>= netstandard1.6))
      System.Net.Primitives (>= 4.0.11) - restriction: || (&& (< monoandroid) (< net45) (< netstandard1.3) (>= netstandard2.0) (< win8) (< wpa81)) (&& (< monoandroid) (< net45) (< netstandard1.6) (>= netstandard2.0) (< win8) (< wpa81)) (&& (< monoandroid) (< net45) (>= netstandard2.0) (< xamarinios) (< xamarinmac)) (&& (>= net20) (< net45) (>= netstandard1.1) (< netstandard1.3)) (&& (>= net20) (< net45) (>= netstandard1.3) (< netstandard1.6)) (&& (>= net20) (< net45) (>= netstandard1.6))
      System.Resources.ResourceManager (>= 4.0.1) - restriction: || (&& (< monoandroid) (< net45) (< netstandard1.6) (>= netstandard2.0) (< win8) (< wpa81)) (&& (< monoandroid) (< net45) (>= netstandard2.0) (< xamarinios) (< xamarinmac)) (&& (>= net20) (< net45) (>= netstandard1.3) (< netstandard1.6)) (&& (>= net20) (< net45) (>= netstandard1.6))
      System.Runtime (>= 4.1) - restriction: || (&& (< monoandroid) (< net45) (< netstandard1.3) (>= netstandard2.0) (< win8) (< wpa81)) (&& (< monoandroid) (< net45) (< netstandard1.6) (>= netstandard2.0) (< win8) (< wpa81)) (&& (< monoandroid) (< net45) (>= netstandard2.0) (< xamarinios) (< xamarinmac)) (&& (>= net20) (< net45) (>= netstandard1.1) (< netstandard1.3)) (&& (>= net20) (< net45) (>= netstandard1.3) (< netstandard1.6)) (&& (>= net20) (< net45) (>= netstandard1.6))
      System.Runtime.Extensions (>= 4.1) - restriction: || (&& (< monoandroid) (< net45) (< netstandard1.6) (>= netstandard2.0) (< win8) (< wpa81)) (&& (< monoandroid) (< net45) (>= netstandard2.0) (< xamarinios) (< xamarinmac)) (&& (>= net20) (< net45) (>= netstandard1.3) (< netstandard1.6)) (&& (>= net20) (< net45) (>= netstandard1.6))
      System.Runtime.Handles (>= 4.0.1) - restriction: || (&& (< monoandroid) (< net45) (< netstandard1.6) (>= netstandard2.0) (< win8) (< wpa81)) (&& (< monoandroid) (< net45) (>= netstandard2.0) (< xamarinios) (< xamarinmac)) (&& (>= net20) (< net45) (>= netstandard1.3) (< netstandard1.6)) (&& (>= net20) (< net45) (>= netstandard1.6))
      System.Runtime.InteropServices (>= 4.1) - restriction: || (&& (< monoandroid) (< net45) (< netstandard1.6) (>= netstandard2.0) (< win8) (< wpa81)) (&& (< monoandroid) (< net45) (>= netstandard2.0) (< xamarinios) (< xamarinmac)) (&& (>= net20) (< net45) (>= netstandard1.3) (< netstandard1.6)) (&& (>= net20) (< net45) (>= netstandard1.6))
      System.Security.Cryptography.Algorithms (>= 4.2) - restriction: || (&& (< monoandroid) (< net45) (>= netstandard2.0) (< xamarinios) (< xamarinmac)) (&& (>= net20) (< net45) (>= netstandard1.6))
      System.Security.Cryptography.Encoding (>= 4.0) - restriction: || (&& (< monoandroid) (< net45) (>= netstandard2.0) (< xamarinios) (< xamarinmac)) (&& (>= net20) (< net45) (>= netstandard1.6))
      System.Security.Cryptography.OpenSsl (>= 4.0) - restriction: || (&& (< monoandroid) (< net45) (>= netstandard2.0) (< xamarinios) (< xamarinmac)) (&& (>= net20) (< net45) (>= netstandard1.6))
      System.Security.Cryptography.Primitives (>= 4.0) - restriction: || (&& (< monoandroid) (< net45) (>= netstandard2.0) (< xamarinios) (< xamarinmac)) (&& (>= net20) (< net45) (>= netstandard1.6))
      System.Security.Cryptography.X509Certificates (>= 4.1) - restriction: || (&& (< monoandroid) (< net45) (< netstandard1.6) (>= netstandard2.0) (< win8) (< wpa81)) (&& (< monoandroid) (< net45) (>= netstandard2.0) (< xamarinios) (< xamarinmac)) (&& (>= net20) (< net45) (>= netstandard1.3) (< netstandard1.6)) (&& (>= net20) (< net45) (>= netstandard1.6)) (>= net46)
      System.Text.Encoding (>= 4.0.11) - restriction: || (&& (< monoandroid) (< net45) (< netstandard1.3) (>= netstandard2.0) (< win8) (< wpa81)) (&& (< monoandroid) (< net45) (< netstandard1.6) (>= netstandard2.0) (< win8) (< wpa81)) (&& (< monoandroid) (< net45) (>= netstandard2.0) (< xamarinios) (< xamarinmac)) (&& (>= net20) (< net45) (>= netstandard1.1) (< netstandard1.3)) (&& (>= net20) (< net45) (>= netstandard1.3) (< netstandard1.6)) (&& (>= net20) (< net45) (>= netstandard1.6))
      System.Threading (>= 4.0.11) - restriction: || (&& (< monoandroid) (< net45) (< netstandard1.6) (>= netstandard2.0) (< win8) (< wpa81)) (&& (< monoandroid) (< net45) (>= netstandard2.0) (< xamarinios) (< xamarinmac)) (&& (>= net20) (< net45) (>= netstandard1.3) (< netstandard1.6)) (&& (>= net20) (< net45) (>= netstandard1.6))
      System.Threading.Tasks (>= 4.0.11) - restriction: || (&& (< monoandroid) (< net45) (< netstandard1.3) (>= netstandard2.0) (< win8) (< wpa81)) (&& (< monoandroid) (< net45) (< netstandard1.6) (>= netstandard2.0) (< win8) (< wpa81)) (&& (< monoandroid) (< net45) (>= netstandard2.0) (< xamarinios) (< xamarinmac)) (&& (>= net20) (< net45) (>= netstandard1.1) (< netstandard1.3)) (&& (>= net20) (< net45) (>= netstandard1.3) (< netstandard1.6)) (&& (>= net20) (< net45) (>= netstandard1.6))
    System.Net.Primitives (4.0.11) - restriction: || (&& (< monoandroid) (< net45) (< netstandard1.3) (>= netstandard2.0) (< win8) (< wpa81)) (&& (< monoandroid) (< net45) (>= netstandard2.0) (< win8) (< wpa81) (< xamarinios) (< xamarinmac)) (&& (< monoandroid) (< netstandard1.1) (>= netstandard2.0) (< win8)) (&& (>= net20) (< net45) (>= netstandard1.6)) (&& (>= net20) (< net45) (>= netstandard2.0)) (&& (>= net20) (< netstandard1.1) (>= netstandard1.6)) (&& (>= net20) (< netstandard1.1) (>= netstandard2.0))
      Microsoft.NETCore.Platforms (>= 1.0.1) - restriction: || (&& (< monoandroid) (< net45) (< netstandard1.3) (>= netstandard2.0) (< win8) (< wpa81)) (&& (< monoandroid) (< net45) (>= netstandard2.0) (< win8) (< wpa81) (< xamarinios) (< xamarinmac)) (&& (< monoandroid) (< netstandard1.1) (>= netstandard2.0) (< win8)) (&& (>= net20) (< net45) (>= netstandard1.1) (< netstandard1.3)) (&& (>= net20) (< net45) (>= netstandard1.3)) (&& (>= net20) (>= netstandard1.0) (< netstandard1.1))
      Microsoft.NETCore.Targets (>= 1.0.1) - restriction: || (&& (< monoandroid) (< net45) (< netstandard1.3) (>= netstandard2.0) (< win8) (< wpa81)) (&& (< monoandroid) (< net45) (>= netstandard2.0) (< win8) (< wpa81) (< xamarinios) (< xamarinmac)) (&& (< monoandroid) (< netstandard1.1) (>= netstandard2.0) (< win8)) (&& (>= net20) (< net45) (>= netstandard1.1) (< netstandard1.3)) (&& (>= net20) (< net45) (>= netstandard1.3)) (&& (>= net20) (>= netstandard1.0) (< netstandard1.1))
      System.Runtime (>= 4.1) - restriction: || (&& (< monoandroid) (< net45) (< netstandard1.3) (>= netstandard2.0) (< win8) (< wpa81)) (&& (< monoandroid) (< net45) (>= netstandard2.0) (< win8) (< wpa81) (< xamarinios) (< xamarinmac)) (&& (< monoandroid) (< netstandard1.1) (>= netstandard2.0) (< win8)) (&& (>= net20) (< net45) (>= netstandard1.1) (< netstandard1.3)) (&& (>= net20) (< net45) (>= netstandard1.3)) (&& (>= net20) (>= netstandard1.0) (< netstandard1.1))
      System.Runtime.Handles (>= 4.0.1) - restriction: || (&& (< monoandroid) (< net45) (>= netstandard2.0) (< win8) (< wpa81) (< xamarinios) (< xamarinmac)) (&& (>= net20) (< net45) (>= netstandard1.3))
    System.Net.Requests (4.0.11) - restriction: || (&& (>= net20) (>= netstandard1.6)) (>= netstandard2.0)
      Microsoft.NETCore.Platforms (>= 1.0.1) - restriction: || (&& (< monoandroid) (< net45) (>= netstandard2.0) (< win8) (< wpa81) (< xamarinios) (< xamarinmac)) (&& (>= net20) (< net45) (>= netstandard1.3))
      System.Collections (>= 4.0.11) - restriction: || (&& (< monoandroid) (< net45) (>= netstandard2.0) (< win8) (< wpa81) (< xamarinios) (< xamarinmac)) (&& (>= net20) (< net45) (>= netstandard1.3))
      System.Diagnostics.Debug (>= 4.0.11) - restriction: || (&& (< monoandroid) (< net45) (>= netstandard2.0) (< win8) (< wpa81) (< xamarinios) (< xamarinmac)) (&& (>= net20) (< net45) (>= netstandard1.3))
      System.Diagnostics.Tracing (>= 4.1) - restriction: || (&& (< monoandroid) (< net45) (>= netstandard2.0) (< win8) (< wpa81) (< xamarinios) (< xamarinmac)) (&& (>= net20) (< net45) (>= netstandard1.3))
      System.Globalization (>= 4.0.11) - restriction: || (&& (< monoandroid) (< net45) (>= netstandard2.0) (< win8) (< wpa81) (< xamarinios) (< xamarinmac)) (&& (>= net20) (< net45) (>= netstandard1.3))
      System.IO (>= 4.1) - restriction: || (&& (< monoandroid) (< net45) (< netstandard1.3) (>= netstandard2.0) (< win8) (< wpa81)) (&& (< monoandroid) (< net45) (>= netstandard2.0) (< win8) (< wpa81) (< xamarinios) (< xamarinmac)) (&& (< monoandroid) (< netstandard1.1) (>= netstandard2.0) (< win8)) (&& (>= net20) (< net45) (>= netstandard1.1) (< netstandard1.3)) (&& (>= net20) (< net45) (>= netstandard1.3)) (&& (>= net20) (>= netstandard1.0) (< netstandard1.1))
      System.Net.Http (>= 4.1) - restriction: || (&& (< monoandroid) (< net45) (>= netstandard2.0) (< win8) (< wpa81) (< xamarinios) (< xamarinmac)) (&& (>= net20) (< net45) (>= netstandard1.3))
      System.Net.Primitives (>= 4.0.11) - restriction: || (&& (< monoandroid) (< net45) (< netstandard1.3) (>= netstandard2.0) (< win8) (< wpa81)) (&& (< monoandroid) (< net45) (>= netstandard2.0) (< win8) (< wpa81) (< xamarinios) (< xamarinmac)) (&& (< monoandroid) (< netstandard1.1) (>= netstandard2.0) (< win8)) (&& (>= net20) (< net45) (>= netstandard1.1) (< netstandard1.3)) (&& (>= net20) (< net45) (>= netstandard1.3)) (&& (>= net20) (>= netstandard1.0) (< netstandard1.1))
      System.Net.WebHeaderCollection (>= 4.0.1) - restriction: || (&& (< monoandroid) (< net45) (>= netstandard2.0) (< win8) (< wpa81) (< xamarinios) (< xamarinmac)) (&& (>= net20) (< net45) (>= netstandard1.3))
      System.Resources.ResourceManager (>= 4.0.1) - restriction: || (&& (< monoandroid) (< net45) (>= netstandard2.0) (< win8) (< wpa81) (< xamarinios) (< xamarinmac)) (&& (>= net20) (< net45) (>= netstandard1.3))
      System.Runtime (>= 4.1) - restriction: || (&& (< monoandroid) (< net45) (< netstandard1.3) (>= netstandard2.0) (< win8) (< wpa81)) (&& (< monoandroid) (< net45) (>= netstandard2.0) (< win8) (< wpa81) (< xamarinios) (< xamarinmac)) (&& (< monoandroid) (< netstandard1.1) (>= netstandard2.0) (< win8)) (&& (>= net20) (< net45) (>= netstandard1.1) (< netstandard1.3)) (&& (>= net20) (< net45) (>= netstandard1.3)) (&& (>= net20) (>= netstandard1.0) (< netstandard1.1))
      System.Threading (>= 4.0.11) - restriction: || (&& (< monoandroid) (< net45) (>= netstandard2.0) (< win8) (< wpa81) (< xamarinios) (< xamarinmac)) (&& (>= net20) (< net45) (>= netstandard1.3))
      System.Threading.Tasks (>= 4.0.11) - restriction: || (&& (< monoandroid) (< net45) (< netstandard1.3) (>= netstandard2.0) (< win8) (< wpa81)) (&& (< monoandroid) (< net45) (>= netstandard2.0) (< win8) (< wpa81) (< xamarinios) (< xamarinmac)) (&& (>= net20) (< net45) (>= netstandard1.1) (< netstandard1.3)) (&& (>= net20) (< net45) (>= netstandard1.3))
    System.Net.WebHeaderCollection (4.0.1) - restriction: || (&& (< monoandroid) (< net45) (>= netstandard2.0) (< win8) (< wpa81) (< xamarinios) (< xamarinmac)) (&& (>= net20) (< net45) (>= netstandard1.6)) (&& (>= net20) (< net45) (>= netstandard2.0))
      System.Collections (>= 4.0.11) - restriction: || (&& (< monoandroid) (< net46) (>= netstandard2.0) (< xamarinios) (< xamarinmac)) (&& (>= net20) (< net46) (>= netstandard1.3))
      System.Resources.ResourceManager (>= 4.0.1) - restriction: || (&& (< monoandroid) (< net46) (>= netstandard2.0) (< xamarinios) (< xamarinmac)) (&& (>= net20) (< net46) (>= netstandard1.3))
      System.Runtime (>= 4.1) - restriction: || (&& (< monoandroid) (< net46) (>= netstandard2.0) (< xamarinios) (< xamarinmac)) (&& (>= net20) (< net46) (>= netstandard1.3))
      System.Runtime.Extensions (>= 4.1) - restriction: || (&& (< monoandroid) (< net46) (>= netstandard2.0) (< xamarinios) (< xamarinmac)) (&& (>= net20) (< net46) (>= netstandard1.3))
    System.ObjectModel (4.0.12) - restriction: || (&& (< monoandroid) (< net45) (< netstandard1.3) (>= netstandard2.0) (< win8) (< wpa81)) (&& (< monoandroid) (< net45) (>= netstandard2.0) (< xamarinios) (< xamarinmac)) (&& (>= net20) (< net45) (>= netstandard1.6)) (&& (>= net20) (< net45) (>= netstandard2.0)) (&& (< net20) (>= netstandard2.0))
      System.Collections (>= 4.0.11) - restriction: || (&& (< monoandroid) (< net45) (>= netstandard2.0) (< win8) (< wpa81) (< xamarinios) (< xamarinmac)) (&& (>= net20) (< net45) (>= netstandard1.3))
      System.Diagnostics.Debug (>= 4.0.11) - restriction: || (&& (< monoandroid) (< net45) (>= netstandard2.0) (< win8) (< wpa81) (< xamarinios) (< xamarinmac)) (&& (>= net20) (< net45) (>= netstandard1.3))
      System.Resources.ResourceManager (>= 4.0.1) - restriction: || (&& (< monoandroid) (< net45) (>= netstandard2.0) (< win8) (< wpa81) (< xamarinios) (< xamarinmac)) (&& (>= net20) (< net45) (>= netstandard1.3))
      System.Runtime (>= 4.1) - restriction: || (&& (< monoandroid) (< net45) (< netstandard1.3) (>= netstandard2.0) (< win8) (< wpa81)) (&& (< monoandroid) (< net45) (>= netstandard2.0) (< win8) (< wpa81) (< xamarinios) (< xamarinmac)) (&& (>= net20) (< net45) (>= netstandard1.0) (< netstandard1.3)) (&& (>= net20) (< net45) (>= netstandard1.3))
      System.Threading (>= 4.0.11) - restriction: || (&& (< monoandroid) (< net45) (>= netstandard2.0) (< win8) (< wpa81) (< xamarinios) (< xamarinmac)) (&& (>= net20) (< net45) (>= netstandard1.3))
    System.Reflection (4.1) - restriction: || (&& (>= net20) (>= netstandard1.6)) (>= netstandard2.0)
      Microsoft.NETCore.Platforms (>= 1.0.1) - restriction: || (&& (< monoandroid) (< net45) (< netstandard1.3) (>= netstandard2.0) (< win8) (< wpa81)) (&& (< monoandroid) (< net45) (< netstandard1.5) (>= netstandard2.0) (< win8) (< wpa81)) (&& (< monoandroid) (< net45) (>= netstandard2.0) (< win8) (< wpa81) (< xamarinios) (< xamarinmac)) (&& (>= net20) (< net45) (>= netstandard1.0) (< netstandard1.3)) (&& (>= net20) (< net45) (>= netstandard1.3) (< netstandard1.5)) (&& (>= net20) (< net45) (>= netstandard1.5))
      Microsoft.NETCore.Targets (>= 1.0.1) - restriction: || (&& (< monoandroid) (< net45) (< netstandard1.3) (>= netstandard2.0) (< win8) (< wpa81)) (&& (< monoandroid) (< net45) (< netstandard1.5) (>= netstandard2.0) (< win8) (< wpa81)) (&& (< monoandroid) (< net45) (>= netstandard2.0) (< win8) (< wpa81) (< xamarinios) (< xamarinmac)) (&& (>= net20) (< net45) (>= netstandard1.0) (< netstandard1.3)) (&& (>= net20) (< net45) (>= netstandard1.3) (< netstandard1.5)) (&& (>= net20) (< net45) (>= netstandard1.5))
      System.IO (>= 4.1) - restriction: || (&& (< monoandroid) (< net45) (< netstandard1.3) (>= netstandard2.0) (< win8) (< wpa81)) (&& (< monoandroid) (< net45) (< netstandard1.5) (>= netstandard2.0) (< win8) (< wpa81)) (&& (< monoandroid) (< net45) (>= netstandard2.0) (< win8) (< wpa81) (< xamarinios) (< xamarinmac)) (&& (>= net20) (< net45) (>= netstandard1.0) (< netstandard1.3)) (&& (>= net20) (< net45) (>= netstandard1.3) (< netstandard1.5)) (&& (>= net20) (< net45) (>= netstandard1.5))
      System.Reflection.Primitives (>= 4.0.1) - restriction: || (&& (< monoandroid) (< net45) (< netstandard1.3) (>= netstandard2.0) (< win8) (< wpa81)) (&& (< monoandroid) (< net45) (< netstandard1.5) (>= netstandard2.0) (< win8) (< wpa81)) (&& (< monoandroid) (< net45) (>= netstandard2.0) (< win8) (< wpa81) (< xamarinios) (< xamarinmac)) (&& (>= net20) (< net45) (>= netstandard1.0) (< netstandard1.3)) (&& (>= net20) (< net45) (>= netstandard1.3) (< netstandard1.5)) (&& (>= net20) (< net45) (>= netstandard1.5))
      System.Runtime (>= 4.1) - restriction: || (&& (< monoandroid) (< net45) (< netstandard1.3) (>= netstandard2.0) (< win8) (< wpa81)) (&& (< monoandroid) (< net45) (< netstandard1.5) (>= netstandard2.0) (< win8) (< wpa81)) (&& (< monoandroid) (< net45) (>= netstandard2.0) (< win8) (< wpa81) (< xamarinios) (< xamarinmac)) (&& (>= net20) (< net45) (>= netstandard1.0) (< netstandard1.3)) (&& (>= net20) (< net45) (>= netstandard1.3) (< netstandard1.5)) (&& (>= net20) (< net45) (>= netstandard1.5))
    System.Reflection.Emit (4.0.1) - restriction: || (&& (< monoandroid) (< net45) (>= netstandard2.0) (< xamarinios) (< xamarinmac)) (&& (>= net20) (< net45) (>= netstandard1.6)) (&& (>= net20) (< net45) (>= netstandard2.0))
      System.IO (>= 4.1) - restriction: || (&& (< monoandroid) (< net45) (>= netstandard2.0) (< xamarinios) (< xamarinmac)) (&& (>= net20) (< net45) (>= netstandard1.1))
      System.Reflection (>= 4.1) - restriction: || (&& (< monoandroid) (< net45) (>= netstandard2.0) (< xamarinios) (< xamarinmac)) (&& (>= net20) (< net45) (>= netstandard1.1))
      System.Reflection.Emit.ILGeneration (>= 4.0.1) - restriction: || (&& (< monoandroid) (< net45) (>= netstandard2.0) (< xamarinmac)) (&& (>= monotouch) (>= net20)) (&& (>= monotouch) (>= netstandard2.0)) (&& (>= net20) (< net45) (>= netstandard1.1)) (&& (>= net20) (>= xamarintvos)) (&& (>= net20) (>= xamarinwatchos)) (&& (>= netstandard2.0) (>= xamarintvos)) (&& (>= netstandard2.0) (>= xamarinwatchos)) (>= xamarinios)
      System.Reflection.Primitives (>= 4.0.1) - restriction: || (&& (< monoandroid) (< net45) (>= netstandard2.0) (< xamarinios) (< xamarinmac)) (&& (>= net20) (< net45) (>= netstandard1.1))
      System.Runtime (>= 4.1) - restriction: || (&& (< monoandroid) (< net45) (>= netstandard2.0) (< xamarinios) (< xamarinmac)) (&& (>= net20) (< net45) (>= netstandard1.1))
    System.Reflection.Emit.ILGeneration (4.0.1) - restriction: || (&& (< monoandroid) (< net45) (>= netstandard2.0) (< xamarinios) (< xamarinmac)) (&& (>= net20) (< net45) (>= netstandard1.6)) (&& (>= net20) (< net45) (>= netstandard2.0))
      System.Reflection (>= 4.1) - restriction: || (&& (< monoandroid) (< net45) (>= netstandard2.0) (< xamarinios) (< xamarinmac)) (&& (>= net20) (< net45) (>= netstandard1.0))
      System.Reflection.Primitives (>= 4.0.1) - restriction: || (&& (< monoandroid) (< net45) (>= netstandard2.0) (< xamarinios) (< xamarinmac)) (&& (>= net20) (< net45) (>= netstandard1.0))
      System.Runtime (>= 4.1) - restriction: || (&& (< monoandroid) (< net45) (>= netstandard2.0) (< xamarinios) (< xamarinmac)) (&& (>= net20) (< net45) (>= netstandard1.0))
    System.Reflection.Emit.Lightweight (4.0.1) - restriction: || (&& (< monoandroid) (< net45) (>= netstandard2.0) (< xamarinios) (< xamarinmac)) (&& (>= net20) (< net45) (>= netstandard1.6)) (&& (>= net20) (< net45) (>= netstandard2.0))
      System.Reflection (>= 4.1) - restriction: || (&& (< monoandroid) (< net45) (>= netstandard2.0) (< xamarinios) (< xamarinmac)) (&& (>= net20) (< net45) (>= netstandard1.0))
      System.Reflection.Emit.ILGeneration (>= 4.0.1) - restriction: || (&& (>= monoandroid) (>= net20)) (&& (>= monoandroid) (>= netstandard2.0)) (&& (>= monotouch) (>= net20)) (&& (>= monotouch) (>= netstandard2.0)) (&& (>= net20) (< net45) (>= netstandard1.0)) (&& (>= net20) (>= xamarintvos)) (&& (>= net20) (>= xamarinwatchos)) (&& (< net45) (>= netstandard2.0)) (&& (>= netstandard2.0) (>= xamarintvos)) (&& (>= netstandard2.0) (>= xamarinwatchos)) (>= xamarinios) (>= xamarinmac)
      System.Reflection.Primitives (>= 4.0.1) - restriction: || (&& (< monoandroid) (< net45) (>= netstandard2.0) (< xamarinios) (< xamarinmac)) (&& (>= net20) (< net45) (>= netstandard1.0))
      System.Runtime (>= 4.1) - restriction: || (&& (< monoandroid) (< net45) (>= netstandard2.0) (< xamarinios) (< xamarinmac)) (&& (>= net20) (< net45) (>= netstandard1.0))
    System.Reflection.Extensions (4.0.1) - restriction: || (&& (>= net20) (>= netstandard1.6)) (>= netstandard2.0)
      Microsoft.NETCore.Platforms (>= 1.0.1) - restriction: || (&& (< monoandroid) (< net45) (>= netstandard2.0) (< win8) (< wpa81) (< xamarinios) (< xamarinmac)) (&& (>= net20) (< net45) (>= netstandard1.0))
      Microsoft.NETCore.Targets (>= 1.0.1) - restriction: || (&& (< monoandroid) (< net45) (>= netstandard2.0) (< win8) (< wpa81) (< xamarinios) (< xamarinmac)) (&& (>= net20) (< net45) (>= netstandard1.0))
      System.Reflection (>= 4.1) - restriction: || (&& (< monoandroid) (< net45) (>= netstandard2.0) (< win8) (< wpa81) (< xamarinios) (< xamarinmac)) (&& (>= net20) (< net45) (>= netstandard1.0))
      System.Runtime (>= 4.1) - restriction: || (&& (< monoandroid) (< net45) (>= netstandard2.0) (< win8) (< wpa81) (< xamarinios) (< xamarinmac)) (&& (>= net20) (< net45) (>= netstandard1.0))
    System.Reflection.Primitives (4.0.1) - restriction: || (&& (< monoandroid) (< net45) (< netstandard1.3) (>= netstandard2.0) (< win8) (< wpa81)) (&& (< monoandroid) (< net45) (< netstandard1.5) (>= netstandard2.0) (< win8) (< wpa81)) (&& (< monoandroid) (< net45) (>= netstandard2.0) (< xamarinios) (< xamarinmac)) (&& (>= net20) (< net45) (>= netstandard1.6)) (&& (>= net20) (< net45) (>= netstandard2.0))
      Microsoft.NETCore.Platforms (>= 1.0.1) - restriction: || (&& (< monoandroid) (< net45) (>= netstandard2.0) (< win8) (< wpa81) (< xamarinios) (< xamarinmac)) (&& (>= net20) (< net45) (>= netstandard1.0))
      Microsoft.NETCore.Targets (>= 1.0.1) - restriction: || (&& (< monoandroid) (< net45) (>= netstandard2.0) (< win8) (< wpa81) (< xamarinios) (< xamarinmac)) (&& (>= net20) (< net45) (>= netstandard1.0))
      System.Runtime (>= 4.1) - restriction: || (&& (< monoandroid) (< net45) (>= netstandard2.0) (< win8) (< wpa81) (< xamarinios) (< xamarinmac)) (&& (>= net20) (< net45) (>= netstandard1.0))
    System.Reflection.TypeExtensions (4.1) - restriction: || (&& (>= net20) (< net45) (>= netstandard1.6)) (&& (< net45) (>= netstandard2.0))
      System.Reflection (>= 4.1) - restriction: || (&& (< monoandroid) (< net46) (< netstandard1.5) (>= netstandard2.0)) (&& (< monoandroid) (< net46) (>= netstandard2.0) (< xamarinios) (< xamarinmac)) (&& (>= net20) (< net46) (>= netstandard1.3) (< netstandard1.5)) (&& (>= net20) (< net46) (>= netstandard1.5)) (>= net462)
      System.Runtime (>= 4.1) - restriction: || (&& (< monoandroid) (< net46) (< netstandard1.5) (>= netstandard2.0)) (&& (< monoandroid) (< net46) (>= netstandard2.0) (< xamarinios) (< xamarinmac)) (&& (>= net20) (< net46) (>= netstandard1.3) (< netstandard1.5)) (&& (>= net20) (< net46) (>= netstandard1.5))
    System.Resources.ResourceManager (4.0.1) - restriction: || (&& (>= net20) (>= netstandard1.6)) (>= netstandard2.0)
      Microsoft.NETCore.Platforms (>= 1.0.1) - restriction: || (&& (< monoandroid) (< net45) (>= netstandard2.0) (< win8) (< wpa81) (< xamarinios) (< xamarinmac)) (&& (>= net20) (< net45) (>= netstandard1.0))
      Microsoft.NETCore.Targets (>= 1.0.1) - restriction: || (&& (< monoandroid) (< net45) (>= netstandard2.0) (< win8) (< wpa81) (< xamarinios) (< xamarinmac)) (&& (>= net20) (< net45) (>= netstandard1.0))
      System.Globalization (>= 4.0.11) - restriction: || (&& (< monoandroid) (< net45) (>= netstandard2.0) (< win8) (< wpa81) (< xamarinios) (< xamarinmac)) (&& (>= net20) (< net45) (>= netstandard1.0))
      System.Reflection (>= 4.1) - restriction: || (&& (< monoandroid) (< net45) (>= netstandard2.0) (< win8) (< wpa81) (< xamarinios) (< xamarinmac)) (&& (>= net20) (< net45) (>= netstandard1.0))
      System.Runtime (>= 4.1) - restriction: || (&& (< monoandroid) (< net45) (>= netstandard2.0) (< win8) (< wpa81) (< xamarinios) (< xamarinmac)) (&& (>= net20) (< net45) (>= netstandard1.0))
    System.Runtime (4.1) - restriction: || (&& (>= net20) (>= netstandard1.6)) (>= netstandard2.0)
      Microsoft.NETCore.Platforms (>= 1.0.1) - restriction: || (&& (< monoandroid) (< net45) (< netstandard1.2) (>= netstandard2.0) (< win8)) (&& (< monoandroid) (< net45) (< netstandard1.3) (>= netstandard2.0) (< win8) (< wpa81)) (&& (< monoandroid) (< net45) (< netstandard1.5) (>= netstandard2.0) (< win8) (< wpa81)) (&& (< monoandroid) (< net45) (>= netstandard2.0) (< win8) (< wpa81) (< xamarinios) (< xamarinmac)) (&& (>= net20) (< net45) (>= netstandard1.0) (< netstandard1.2)) (&& (>= net20) (< net45) (>= netstandard1.2) (< netstandard1.3)) (&& (>= net20) (< net45) (>= netstandard1.3) (< netstandard1.5)) (&& (>= net20) (< net45) (>= netstandard1.5))
      Microsoft.NETCore.Targets (>= 1.0.1) - restriction: || (&& (< monoandroid) (< net45) (< netstandard1.2) (>= netstandard2.0) (< win8)) (&& (< monoandroid) (< net45) (< netstandard1.3) (>= netstandard2.0) (< win8) (< wpa81)) (&& (< monoandroid) (< net45) (< netstandard1.5) (>= netstandard2.0) (< win8) (< wpa81)) (&& (< monoandroid) (< net45) (>= netstandard2.0) (< win8) (< wpa81) (< xamarinios) (< xamarinmac)) (&& (>= net20) (< net45) (>= netstandard1.0) (< netstandard1.2)) (&& (>= net20) (< net45) (>= netstandard1.2) (< netstandard1.3)) (&& (>= net20) (< net45) (>= netstandard1.3) (< netstandard1.5)) (&& (>= net20) (< net45) (>= netstandard1.5))
    System.Runtime.Extensions (4.1) - restriction: || (&& (>= net20) (>= netstandard1.6)) (>= netstandard2.0)
      Microsoft.NETCore.Platforms (>= 1.0.1) - restriction: || (&& (< monoandroid) (< net45) (< netstandard1.3) (>= netstandard2.0) (< win8) (< wpa81)) (&& (< monoandroid) (< net45) (< netstandard1.5) (>= netstandard2.0) (< win8) (< wpa81)) (&& (< monoandroid) (< net45) (>= netstandard2.0) (< win8) (< wpa81) (< xamarinios) (< xamarinmac)) (&& (>= net20) (< net45) (>= netstandard1.0) (< netstandard1.3)) (&& (>= net20) (< net45) (>= netstandard1.3) (< netstandard1.5)) (&& (>= net20) (< net45) (>= netstandard1.5))
      Microsoft.NETCore.Targets (>= 1.0.1) - restriction: || (&& (< monoandroid) (< net45) (< netstandard1.3) (>= netstandard2.0) (< win8) (< wpa81)) (&& (< monoandroid) (< net45) (< netstandard1.5) (>= netstandard2.0) (< win8) (< wpa81)) (&& (< monoandroid) (< net45) (>= netstandard2.0) (< win8) (< wpa81) (< xamarinios) (< xamarinmac)) (&& (>= net20) (< net45) (>= netstandard1.0) (< netstandard1.3)) (&& (>= net20) (< net45) (>= netstandard1.3) (< netstandard1.5)) (&& (>= net20) (< net45) (>= netstandard1.5))
      System.Runtime (>= 4.1) - restriction: || (&& (< monoandroid) (< net45) (< netstandard1.3) (>= netstandard2.0) (< win8) (< wpa81)) (&& (< monoandroid) (< net45) (< netstandard1.5) (>= netstandard2.0) (< win8) (< wpa81)) (&& (< monoandroid) (< net45) (>= netstandard2.0) (< win8) (< wpa81) (< xamarinios) (< xamarinmac)) (&& (>= net20) (< net45) (>= netstandard1.0) (< netstandard1.3)) (&& (>= net20) (< net45) (>= netstandard1.3) (< netstandard1.5)) (&& (>= net20) (< net45) (>= netstandard1.5))
    System.Runtime.Handles (4.0.1) - restriction: || (&& (< monoandroid) (< net45) (< netstandard1.6) (>= netstandard2.0) (< win8) (< wpa81)) (&& (< monoandroid) (< net45) (>= netstandard2.0) (< win8) (< wpa81) (< xamarinios) (< xamarinmac)) (&& (< monoandroid) (< net46) (>= netstandard2.0) (< xamarinios) (< xamarinmac)) (&& (>= net20) (< net45) (>= netstandard1.6)) (&& (>= net20) (< net45) (>= netstandard2.0)) (&& (>= net20) (< net46) (>= netstandard1.6)) (&& (>= net20) (< net46) (>= netstandard2.0))
      Microsoft.NETCore.Platforms (>= 1.0.1) - restriction: || (&& (< monoandroid) (< net46) (>= netstandard2.0) (< xamarinios) (< xamarinmac)) (&& (>= net20) (< net46) (>= netstandard1.3))
      Microsoft.NETCore.Targets (>= 1.0.1) - restriction: || (&& (< monoandroid) (< net46) (>= netstandard2.0) (< xamarinios) (< xamarinmac)) (&& (>= net20) (< net46) (>= netstandard1.3))
      System.Runtime (>= 4.1) - restriction: || (&& (< monoandroid) (< net46) (>= netstandard2.0) (< xamarinios) (< xamarinmac)) (&& (>= net20) (< net46) (>= netstandard1.3))
    System.Runtime.InteropServices (4.1) - restriction: || (&& (>= net20) (< net45) (>= netstandard1.6)) (&& (< net45) (>= netstandard2.0))
      Microsoft.NETCore.Platforms (>= 1.0.1) - restriction: || (&& (< monoandroid) (< net45) (< netstandard1.2) (>= netstandard2.0) (< win8)) (&& (< monoandroid) (< net45) (< netstandard1.3) (>= netstandard2.0) (< win8) (< wpa81)) (&& (< monoandroid) (< net45) (< netstandard1.5) (>= netstandard2.0) (< win8) (< wpa81)) (&& (< monoandroid) (< net45) (>= netstandard2.0) (< win8) (< wpa81) (< xamarinios) (< xamarinmac)) (&& (>= net20) (< net45) (>= netstandard1.1) (< netstandard1.2)) (&& (>= net20) (< net45) (>= netstandard1.2) (< netstandard1.3)) (&& (>= net20) (< net45) (>= netstandard1.3) (< netstandard1.5)) (&& (>= net20) (< net45) (>= netstandard1.5))
      Microsoft.NETCore.Targets (>= 1.0.1) - restriction: || (&& (< monoandroid) (< net45) (< netstandard1.2) (>= netstandard2.0) (< win8)) (&& (< monoandroid) (< net45) (< netstandard1.3) (>= netstandard2.0) (< win8) (< wpa81)) (&& (< monoandroid) (< net45) (< netstandard1.5) (>= netstandard2.0) (< win8) (< wpa81)) (&& (< monoandroid) (< net45) (>= netstandard2.0) (< win8) (< wpa81) (< xamarinios) (< xamarinmac)) (&& (>= net20) (< net45) (>= netstandard1.1) (< netstandard1.2)) (&& (>= net20) (< net45) (>= netstandard1.2) (< netstandard1.3)) (&& (>= net20) (< net45) (>= netstandard1.3) (< netstandard1.5)) (&& (>= net20) (< net45) (>= netstandard1.5))
      System.Reflection (>= 4.1) - restriction: || (&& (< monoandroid) (< net45) (< netstandard1.2) (>= netstandard2.0) (< win8)) (&& (< monoandroid) (< net45) (< netstandard1.3) (>= netstandard2.0) (< win8) (< wpa81)) (&& (< monoandroid) (< net45) (< netstandard1.5) (>= netstandard2.0) (< win8) (< wpa81)) (&& (< monoandroid) (< net45) (>= netstandard2.0) (< win8) (< wpa81) (< xamarinios) (< xamarinmac)) (&& (>= net20) (< net45) (>= netstandard1.1) (< netstandard1.2)) (&& (>= net20) (< net45) (>= netstandard1.2) (< netstandard1.3)) (&& (>= net20) (< net45) (>= netstandard1.3) (< netstandard1.5)) (&& (>= net20) (< net45) (>= netstandard1.5))
      System.Reflection.Primitives (>= 4.0.1) - restriction: || (&& (< monoandroid) (< net45) (< netstandard1.2) (>= netstandard2.0) (< win8)) (&& (< monoandroid) (< net45) (< netstandard1.3) (>= netstandard2.0) (< win8) (< wpa81)) (&& (< monoandroid) (< net45) (< netstandard1.5) (>= netstandard2.0) (< win8) (< wpa81)) (&& (< monoandroid) (< net45) (>= netstandard2.0) (< win8) (< wpa81) (< xamarinios) (< xamarinmac)) (&& (>= net20) (< net45) (>= netstandard1.1) (< netstandard1.2)) (&& (>= net20) (< net45) (>= netstandard1.2) (< netstandard1.3)) (&& (>= net20) (< net45) (>= netstandard1.3) (< netstandard1.5)) (&& (>= net20) (< net45) (>= netstandard1.5))
      System.Runtime (>= 4.1) - restriction: || (&& (< monoandroid) (< net45) (< netstandard1.2) (>= netstandard2.0) (< win8)) (&& (< monoandroid) (< net45) (< netstandard1.3) (>= netstandard2.0) (< win8) (< wpa81)) (&& (< monoandroid) (< net45) (< netstandard1.5) (>= netstandard2.0) (< win8) (< wpa81)) (&& (< monoandroid) (< net45) (>= netstandard2.0) (< win8) (< wpa81) (< xamarinios) (< xamarinmac)) (&& (>= net20) (< net45) (>= netstandard1.1) (< netstandard1.2)) (&& (>= net20) (< net45) (>= netstandard1.2) (< netstandard1.3)) (&& (>= net20) (< net45) (>= netstandard1.3) (< netstandard1.5)) (&& (>= net20) (< net45) (>= netstandard1.5)) (>= net462)
      System.Runtime.Handles (>= 4.0.1) - restriction: || (&& (< monoandroid) (< net45) (< netstandard1.5) (>= netstandard2.0) (< win8) (< wpa81)) (&& (< monoandroid) (< net45) (>= netstandard2.0) (< win8) (< wpa81) (< xamarinios) (< xamarinmac)) (&& (>= net20) (< net45) (>= netstandard1.3) (< netstandard1.5)) (&& (>= net20) (< net45) (>= netstandard1.5))
    System.Runtime.InteropServices.RuntimeInformation (4.0) - restriction: && (< net45) (>= netstandard2.0)
      Microsoft.NETCore.Platforms (>= 1.0.1) - restriction: || (&& (< monoandroid) (< net45) (>= netstandard2.0) (< win8) (< wpa81) (< xamarinios) (< xamarinmac)) (&& (>= net20) (< net45) (>= netstandard1.1))
      runtime.native.System (>= 4.0) - restriction: || (&& (< monoandroid) (< net45) (>= netstandard2.0) (< win8) (< wpa81) (< xamarinios) (< xamarinmac)) (&& (>= net20) (< net45) (>= netstandard1.1))
      System.Reflection (>= 4.1) - restriction: || (&& (< monoandroid) (< net45) (>= netstandard2.0) (< win8) (< wpa81) (< xamarinios) (< xamarinmac)) (&& (>= net20) (< net45) (>= netstandard1.1))
      System.Resources.ResourceManager (>= 4.0.1) - restriction: || (&& (< monoandroid) (< net45) (>= netstandard2.0) (< win8) (< wpa81) (< xamarinios) (< xamarinmac)) (&& (>= net20) (< net45) (>= netstandard1.1))
      System.Runtime (>= 4.1) - restriction: || (&& (< monoandroid) (< net45) (>= netstandard2.0) (< win8) (< wpa81) (< xamarinios) (< xamarinmac)) (&& (>= net20) (< net45) (>= netstandard1.1))
      System.Runtime.InteropServices (>= 4.1) - restriction: || (&& (< monoandroid) (< net45) (>= netstandard2.0) (< win8) (< wpa81) (< xamarinios) (< xamarinmac)) (&& (>= net20) (< net45) (>= netstandard1.1))
      System.Threading (>= 4.0.11) - restriction: || (&& (< monoandroid) (< net45) (>= netstandard2.0) (< win8) (< wpa81) (< xamarinios) (< xamarinmac)) (&& (>= net20) (< net45) (>= netstandard1.1))
    System.Runtime.Numerics (4.0.1) - restriction: || (&& (>= net20) (>= netstandard1.6)) (>= netstandard2.0)
      System.Globalization (>= 4.0.11) - restriction: || (&& (< monoandroid) (< net45) (>= netstandard2.0) (< win8) (< wpa81) (< xamarinios) (< xamarinmac)) (&& (>= net20) (< net45) (>= netstandard1.3))
      System.Resources.ResourceManager (>= 4.0.1) - restriction: || (&& (< monoandroid) (< net45) (>= netstandard2.0) (< win8) (< wpa81) (< xamarinios) (< xamarinmac)) (&& (>= net20) (< net45) (>= netstandard1.3))
      System.Runtime (>= 4.1) - restriction: || (&& (< monoandroid) (< net45) (< netstandard1.3) (>= netstandard2.0) (< win8) (< wpa81)) (&& (< monoandroid) (< net45) (>= netstandard2.0) (< win8) (< wpa81) (< xamarinios) (< xamarinmac)) (&& (>= net20) (< net45) (>= netstandard1.1) (< netstandard1.3)) (&& (>= net20) (< net45) (>= netstandard1.3))
      System.Runtime.Extensions (>= 4.1) - restriction: || (&& (< monoandroid) (< net45) (>= netstandard2.0) (< win8) (< wpa81) (< xamarinios) (< xamarinmac)) (&& (>= net20) (< net45) (>= netstandard1.3))
    System.Runtime.Serialization.Primitives (4.1.1) - restriction: && (< net20) (>= netstandard2.0)
      System.Resources.ResourceManager (>= 4.0.1) - restriction: || (&& (< monoandroid) (< net45) (>= netstandard2.0) (< win8) (< wpa81) (< xamarinios) (< xamarinmac)) (&& (>= net20) (< net45) (>= netstandard1.3))
      System.Runtime (>= 4.1) - restriction: || (&& (< monoandroid) (< net45) (< netstandard1.3) (>= netstandard2.0) (< win8) (< wpa81)) (&& (< monoandroid) (< net45) (>= netstandard2.0) (< win8) (< wpa81) (< xamarinios) (< xamarinmac)) (&& (>= net20) (< net45) (>= netstandard1.0) (< netstandard1.3)) (&& (>= net20) (< net45) (>= netstandard1.3))
    System.Security.Cryptography.Algorithms (4.2) - restriction: || (&& (< monoandroid) (< net45) (>= netstandard2.0) (< win8) (< wpa81) (< xamarinios) (< xamarinmac)) (&& (>= net20) (< net45) (>= netstandard1.6)) (&& (>= net20) (< net45) (>= netstandard2.0))
      Microsoft.NETCore.Platforms (>= 1.0.1) - restriction: || (&& (< monoandroid) (< net46) (>= netstandard2.0) (< xamarinios) (< xamarinmac)) (&& (>= net20) (< net46) (>= netstandard1.6))
      runtime.native.System.Security.Cryptography (>= 4.0) - restriction: || (&& (< monoandroid) (< net46) (>= netstandard2.0) (< xamarinios) (< xamarinmac)) (&& (>= net20) (< net46) (>= netstandard1.6))
      System.Collections (>= 4.0.11) - restriction: || (&& (< monoandroid) (< net46) (>= netstandard2.0) (< xamarinios) (< xamarinmac)) (&& (>= net20) (< net46) (>= netstandard1.6))
      System.IO (>= 4.1) - restriction: || (&& (< monoandroid) (< net46) (< netstandard1.4) (>= netstandard2.0)) (&& (< monoandroid) (< net46) (< netstandard1.6) (>= netstandard2.0)) (&& (< monoandroid) (< net46) (>= netstandard2.0) (< xamarinios) (< xamarinmac)) (&& (>= net20) (< net46) (>= netstandard1.3) (< netstandard1.4)) (&& (>= net20) (< net46) (>= netstandard1.4) (< netstandard1.6)) (&& (>= net20) (< net46) (>= netstandard1.6)) (>= net463)
      System.Resources.ResourceManager (>= 4.0.1) - restriction: || (&& (< monoandroid) (< net46) (>= netstandard2.0) (< xamarinios) (< xamarinmac)) (&& (>= net20) (< net46) (>= netstandard1.6))
      System.Runtime (>= 4.1) - restriction: || (&& (< monoandroid) (< net46) (< netstandard1.4) (>= netstandard2.0)) (&& (< monoandroid) (< net46) (< netstandard1.6) (>= netstandard2.0)) (&& (< monoandroid) (< net46) (>= netstandard2.0) (< xamarinios) (< xamarinmac)) (&& (>= net20) (< net46) (>= netstandard1.3) (< netstandard1.4)) (&& (>= net20) (< net46) (>= netstandard1.4) (< netstandard1.6)) (&& (>= net20) (< net46) (>= netstandard1.6)) (>= net463)
      System.Runtime.Extensions (>= 4.1) - restriction: || (&& (< monoandroid) (< net46) (>= netstandard2.0) (< xamarinios) (< xamarinmac)) (&& (>= net20) (< net46) (>= netstandard1.6))
      System.Runtime.Handles (>= 4.0.1) - restriction: || (&& (< monoandroid) (< net46) (>= netstandard2.0) (< xamarinios) (< xamarinmac)) (&& (>= net20) (< net46) (>= netstandard1.6))
      System.Runtime.InteropServices (>= 4.1) - restriction: || (&& (< monoandroid) (< net46) (>= netstandard2.0) (< xamarinios) (< xamarinmac)) (&& (>= net20) (< net46) (>= netstandard1.6))
      System.Runtime.Numerics (>= 4.0.1) - restriction: || (&& (< monoandroid) (< net46) (>= netstandard2.0) (< xamarinios) (< xamarinmac)) (&& (>= net20) (< net46) (>= netstandard1.6))
      System.Security.Cryptography.Encoding (>= 4.0) - restriction: || (&& (< monoandroid) (< net46) (>= netstandard2.0) (< xamarinios) (< xamarinmac)) (&& (>= net20) (< net46) (>= netstandard1.6)) (>= net463)
      System.Security.Cryptography.Primitives (>= 4.0) - restriction: || (&& (< monoandroid) (< net46) (< netstandard1.4) (>= netstandard2.0)) (&& (< monoandroid) (< net46) (< netstandard1.6) (>= netstandard2.0)) (&& (< monoandroid) (< net46) (>= netstandard2.0) (< xamarinios) (< xamarinmac)) (&& (>= net20) (< net46) (>= netstandard1.3) (< netstandard1.4)) (&& (>= net20) (< net46) (>= netstandard1.4) (< netstandard1.6)) (&& (>= net20) (< net46) (>= netstandard1.6)) (&& (>= net46) (< netstandard1.4)) (&& (>= net461) (< netstandard1.6)) (>= net463)
      System.Text.Encoding (>= 4.0.11) - restriction: || (&& (< monoandroid) (< net46) (>= netstandard2.0) (< xamarinios) (< xamarinmac)) (&& (>= net20) (< net46) (>= netstandard1.6))
    System.Security.Cryptography.Cng (4.2) - restriction: || (&& (< monoandroid) (< net45) (< netstandard1.6) (>= netstandard2.0) (< win8) (< wpa81)) (&& (< monoandroid) (< net45) (>= netstandard2.0) (< win8) (< wpa81) (< xamarinios) (< xamarinmac)) (&& (>= net20) (< net45) (>= netstandard1.6)) (&& (>= net20) (< net45) (>= netstandard2.0)) (&& (< net45) (>= net46) (>= netstandard1.6)) (&& (< net45) (>= net46) (>= netstandard2.0))
      Microsoft.NETCore.Platforms (>= 1.0.1) - restriction: || (&& (>= net20) (< net46) (>= netstandard1.4) (< netstandard1.6)) (&& (>= net20) (< net46) (>= netstandard1.6)) (&& (< net46) (>= netstandard2.0))
      System.IO (>= 4.1) - restriction: || (&& (>= net20) (< net46) (>= netstandard1.3) (< netstandard1.4)) (&& (>= net20) (< net46) (>= netstandard1.4) (< netstandard1.6)) (&& (>= net20) (< net46) (>= netstandard1.6)) (&& (< net46) (>= netstandard2.0))
      System.Resources.ResourceManager (>= 4.0.1) - restriction: || (&& (>= net20) (< net46) (>= netstandard1.4) (< netstandard1.6)) (&& (>= net20) (< net46) (>= netstandard1.6)) (&& (< net46) (>= netstandard2.0))
      System.Runtime (>= 4.1) - restriction: || (&& (>= net20) (< net46) (>= netstandard1.3) (< netstandard1.4)) (&& (>= net20) (< net46) (>= netstandard1.4) (< netstandard1.6)) (&& (>= net20) (< net46) (>= netstandard1.6)) (&& (< net46) (>= netstandard2.0))
      System.Runtime.Extensions (>= 4.1) - restriction: || (&& (>= net20) (< net46) (>= netstandard1.4) (< netstandard1.6)) (&& (>= net20) (< net46) (>= netstandard1.6)) (&& (< net46) (>= netstandard2.0))
      System.Runtime.Handles (>= 4.0.1) - restriction: || (&& (>= net20) (< net46) (>= netstandard1.3) (< netstandard1.4)) (&& (>= net20) (< net46) (>= netstandard1.4) (< netstandard1.6)) (&& (>= net20) (< net46) (>= netstandard1.6)) (&& (< net46) (>= netstandard2.0))
      System.Runtime.InteropServices (>= 4.1) - restriction: || (&& (>= net20) (< net46) (>= netstandard1.4) (< netstandard1.6)) (&& (>= net20) (< net46) (>= netstandard1.6)) (&& (< net46) (>= netstandard2.0))
      System.Security.Cryptography.Algorithms (>= 4.2) - restriction: || (&& (>= net20) (< net46) (>= netstandard1.3) (< netstandard1.4)) (&& (>= net20) (< net46) (>= netstandard1.4) (< netstandard1.6)) (&& (>= net20) (< net46) (>= netstandard1.6)) (&& (>= net46) (< netstandard1.4)) (&& (< net46) (>= netstandard2.0)) (&& (>= net461) (< netstandard1.6)) (>= net463)
      System.Security.Cryptography.Encoding (>= 4.0) - restriction: || (&& (>= net20) (< net46) (>= netstandard1.4) (< netstandard1.6)) (&& (>= net20) (< net46) (>= netstandard1.6)) (&& (< net46) (>= netstandard2.0))
      System.Security.Cryptography.Primitives (>= 4.0) - restriction: || (&& (>= net20) (< net46) (>= netstandard1.3) (< netstandard1.4)) (&& (>= net20) (< net46) (>= netstandard1.4) (< netstandard1.6)) (&& (>= net20) (< net46) (>= netstandard1.6)) (&& (>= net46) (< netstandard1.4)) (&& (< net46) (>= netstandard2.0)) (&& (>= net461) (< netstandard1.6)) (>= net463)
      System.Text.Encoding (>= 4.0.11) - restriction: || (&& (>= net20) (< net46) (>= netstandard1.4) (< netstandard1.6)) (&& (>= net20) (< net46) (>= netstandard1.6)) (&& (< net46) (>= netstandard2.0))
    System.Security.Cryptography.Csp (4.0) - restriction: || (&& (< monoandroid) (< net45) (< netstandard1.6) (>= netstandard2.0) (< win8) (< wpa81)) (&& (< monoandroid) (< net45) (>= netstandard2.0) (< win8) (< wpa81) (< xamarinios) (< xamarinmac)) (&& (>= net20) (< net45) (>= netstandard1.6)) (&& (>= net20) (< net45) (>= netstandard2.0)) (&& (< net45) (>= net46) (>= netstandard1.6)) (&& (< net45) (>= net46) (>= netstandard2.0))
      Microsoft.NETCore.Platforms (>= 1.0.1) - restriction: || (&& (< monoandroid) (< net46) (>= netstandard2.0) (< xamarinios) (< xamarinmac)) (&& (>= net20) (< net46) (>= netstandard1.3))
      System.IO (>= 4.1) - restriction: || (&& (< monoandroid) (< net46) (>= netstandard2.0) (< xamarinios) (< xamarinmac)) (&& (>= net20) (< net46) (>= netstandard1.3))
      System.Reflection (>= 4.1) - restriction: || (&& (< monoandroid) (< net46) (>= netstandard2.0) (< xamarinios) (< xamarinmac)) (&& (>= net20) (< net46) (>= netstandard1.3))
      System.Resources.ResourceManager (>= 4.0.1) - restriction: || (&& (< monoandroid) (< net46) (>= netstandard2.0) (< xamarinios) (< xamarinmac)) (&& (>= net20) (< net46) (>= netstandard1.3))
      System.Runtime (>= 4.1) - restriction: || (&& (< monoandroid) (< net46) (>= netstandard2.0) (< xamarinios) (< xamarinmac)) (&& (>= net20) (< net46) (>= netstandard1.3))
      System.Runtime.Extensions (>= 4.1) - restriction: || (&& (< monoandroid) (< net46) (>= netstandard2.0) (< xamarinios) (< xamarinmac)) (&& (>= net20) (< net46) (>= netstandard1.3))
      System.Runtime.Handles (>= 4.0.1) - restriction: || (&& (< monoandroid) (< net46) (>= netstandard2.0) (< xamarinios) (< xamarinmac)) (&& (>= net20) (< net46) (>= netstandard1.3))
      System.Runtime.InteropServices (>= 4.1) - restriction: || (&& (< monoandroid) (< net46) (>= netstandard2.0) (< xamarinios) (< xamarinmac)) (&& (>= net20) (< net46) (>= netstandard1.3))
      System.Security.Cryptography.Algorithms (>= 4.2) - restriction: || (&& (< monoandroid) (>= netstandard2.0) (< xamarinios) (< xamarinmac)) (&& (>= net20) (>= netstandard1.3)) (>= net46)
      System.Security.Cryptography.Encoding (>= 4.0) - restriction: || (&& (< monoandroid) (< net46) (>= netstandard2.0) (< xamarinios) (< xamarinmac)) (&& (>= net20) (< net46) (>= netstandard1.3))
      System.Security.Cryptography.Primitives (>= 4.0) - restriction: || (&& (< monoandroid) (>= netstandard2.0) (< xamarinios) (< xamarinmac)) (&& (>= net20) (>= netstandard1.3)) (>= net46)
      System.Text.Encoding (>= 4.0.11) - restriction: || (&& (< monoandroid) (< net46) (>= netstandard2.0) (< xamarinios) (< xamarinmac)) (&& (>= net20) (< net46) (>= netstandard1.3))
      System.Threading (>= 4.0.11) - restriction: || (&& (< monoandroid) (< net46) (>= netstandard2.0) (< xamarinios) (< xamarinmac)) (&& (>= net20) (< net46) (>= netstandard1.3))
    System.Security.Cryptography.Encoding (4.0) - restriction: || (&& (< monoandroid) (< net45) (>= netstandard2.0) (< win8) (< wpa81) (< xamarinios) (< xamarinmac)) (&& (>= net20) (< net45) (>= netstandard1.6)) (&& (>= net20) (< net45) (>= netstandard2.0))
      Microsoft.NETCore.Platforms (>= 1.0.1) - restriction: || (&& (< monoandroid) (< net46) (>= netstandard2.0) (< xamarinios) (< xamarinmac)) (&& (>= net20) (< net46) (>= netstandard1.3))
      runtime.native.System.Security.Cryptography (>= 4.0) - restriction: || (&& (< monoandroid) (< net46) (>= netstandard2.0) (< xamarinios) (< xamarinmac)) (&& (>= net20) (< net46) (>= netstandard1.3))
      System.Collections (>= 4.0.11) - restriction: || (&& (< monoandroid) (< net46) (>= netstandard2.0) (< xamarinios) (< xamarinmac)) (&& (>= net20) (< net46) (>= netstandard1.3))
      System.Collections.Concurrent (>= 4.0.12) - restriction: || (&& (< monoandroid) (< net46) (>= netstandard2.0) (< xamarinios) (< xamarinmac)) (&& (>= net20) (< net46) (>= netstandard1.3))
      System.Linq (>= 4.1) - restriction: || (&& (< monoandroid) (< net46) (>= netstandard2.0) (< xamarinios) (< xamarinmac)) (&& (>= net20) (< net46) (>= netstandard1.3))
      System.Resources.ResourceManager (>= 4.0.1) - restriction: || (&& (< monoandroid) (< net46) (>= netstandard2.0) (< xamarinios) (< xamarinmac)) (&& (>= net20) (< net46) (>= netstandard1.3))
      System.Runtime (>= 4.1) - restriction: || (&& (< monoandroid) (< net46) (>= netstandard2.0) (< xamarinios) (< xamarinmac)) (&& (>= net20) (< net46) (>= netstandard1.3))
      System.Runtime.Extensions (>= 4.1) - restriction: || (&& (< monoandroid) (< net46) (>= netstandard2.0) (< xamarinios) (< xamarinmac)) (&& (>= net20) (< net46) (>= netstandard1.3))
      System.Runtime.Handles (>= 4.0.1) - restriction: || (&& (< monoandroid) (< net46) (>= netstandard2.0) (< xamarinios) (< xamarinmac)) (&& (>= net20) (< net46) (>= netstandard1.3))
      System.Runtime.InteropServices (>= 4.1) - restriction: || (&& (< monoandroid) (< net46) (>= netstandard2.0) (< xamarinios) (< xamarinmac)) (&& (>= net20) (< net46) (>= netstandard1.3))
      System.Security.Cryptography.Primitives (>= 4.0) - restriction: || (&& (< monoandroid) (< net46) (>= netstandard2.0) (< xamarinios) (< xamarinmac)) (&& (>= net20) (< net46) (>= netstandard1.3))
      System.Text.Encoding (>= 4.0.11) - restriction: || (&& (< monoandroid) (< net46) (>= netstandard2.0) (< xamarinios) (< xamarinmac)) (&& (>= net20) (< net46) (>= netstandard1.3))
    System.Security.Cryptography.OpenSsl (4.0) - restriction: || (&& (< monoandroid) (< net45) (>= netstandard2.0) (< win8) (< wpa81) (< xamarinios) (< xamarinmac)) (&& (>= net20) (< net45) (>= netstandard1.6)) (&& (>= net20) (< net45) (>= netstandard2.0))
      runtime.native.System.Security.Cryptography (>= 4.0) - restriction: || (&& (>= monoandroid) (>= net20)) (&& (>= net20) (>= netstandard1.6)) (>= net463) (>= netstandard2.0)
      System.Collections (>= 4.0.11) - restriction: || (&& (< monoandroid) (< net463) (>= netstandard2.0) (< xamarinios) (< xamarinmac)) (&& (>= net20) (< net463) (>= netstandard1.6))
      System.IO (>= 4.1) - restriction: || (&& (< monoandroid) (< net463) (>= netstandard2.0) (< xamarinios) (< xamarinmac)) (&& (>= net20) (< net463) (>= netstandard1.6))
      System.Resources.ResourceManager (>= 4.0.1) - restriction: || (&& (< monoandroid) (< net463) (>= netstandard2.0) (< xamarinios) (< xamarinmac)) (&& (>= net20) (< net463) (>= netstandard1.6))
      System.Runtime (>= 4.1) - restriction: || (&& (< monoandroid) (< net463) (>= netstandard2.0) (< xamarinios) (< xamarinmac)) (&& (>= net20) (< net463) (>= netstandard1.6))
      System.Runtime.Extensions (>= 4.1) - restriction: || (&& (< monoandroid) (>= netstandard2.0) (< xamarinios) (< xamarinmac)) (&& (>= net20) (>= netstandard1.6)) (>= net463)
      System.Runtime.Handles (>= 4.0.1) - restriction: || (&& (< monoandroid) (< net463) (>= netstandard2.0) (< xamarinios) (< xamarinmac)) (&& (>= net20) (< net463) (>= netstandard1.6))
      System.Runtime.InteropServices (>= 4.1) - restriction: || (&& (< monoandroid) (< net463) (>= netstandard2.0) (< xamarinios) (< xamarinmac)) (&& (>= net20) (< net463) (>= netstandard1.6))
      System.Runtime.Numerics (>= 4.0.1) - restriction: || (&& (< monoandroid) (< net463) (>= netstandard2.0) (< xamarinios) (< xamarinmac)) (&& (>= net20) (< net463) (>= netstandard1.6))
      System.Security.Cryptography.Algorithms (>= 4.2) - restriction: || (&& (< monoandroid) (>= netstandard2.0) (< xamarinios) (< xamarinmac)) (&& (>= net20) (>= netstandard1.6)) (>= net463)
      System.Security.Cryptography.Encoding (>= 4.0) - restriction: || (&& (< monoandroid) (>= netstandard2.0) (< xamarinios) (< xamarinmac)) (&& (>= net20) (>= netstandard1.6)) (>= net463)
      System.Security.Cryptography.Primitives (>= 4.0) - restriction: || (&& (< monoandroid) (>= netstandard2.0) (< xamarinios) (< xamarinmac)) (&& (>= net20) (>= netstandard1.6)) (>= net463)
      System.Text.Encoding (>= 4.0.11) - restriction: || (&& (< monoandroid) (< net463) (>= netstandard2.0) (< xamarinios) (< xamarinmac)) (&& (>= net20) (< net463) (>= netstandard1.6))
    System.Security.Cryptography.Primitives (4.0) - restriction: || (&& (< monoandroid) (< net45) (>= netstandard2.0) (< win8) (< wpa81) (< xamarinios) (< xamarinmac)) (&& (>= net20) (< net45) (>= netstandard1.6)) (&& (>= net20) (< net45) (>= netstandard2.0))
      System.Diagnostics.Debug (>= 4.0.11) - restriction: || (&& (< monoandroid) (< net46) (>= netstandard2.0) (< xamarinios) (< xamarinmac)) (&& (>= net20) (< net46) (>= netstandard1.3))
      System.Globalization (>= 4.0.11) - restriction: || (&& (< monoandroid) (< net46) (>= netstandard2.0) (< xamarinios) (< xamarinmac)) (&& (>= net20) (< net46) (>= netstandard1.3))
      System.IO (>= 4.1) - restriction: || (&& (< monoandroid) (< net46) (>= netstandard2.0) (< xamarinios) (< xamarinmac)) (&& (>= net20) (< net46) (>= netstandard1.3))
      System.Resources.ResourceManager (>= 4.0.1) - restriction: || (&& (< monoandroid) (< net46) (>= netstandard2.0) (< xamarinios) (< xamarinmac)) (&& (>= net20) (< net46) (>= netstandard1.3))
      System.Runtime (>= 4.1) - restriction: || (&& (< monoandroid) (< net46) (>= netstandard2.0) (< xamarinios) (< xamarinmac)) (&& (>= net20) (< net46) (>= netstandard1.3))
      System.Threading (>= 4.0.11) - restriction: || (&& (< monoandroid) (< net46) (>= netstandard2.0) (< xamarinios) (< xamarinmac)) (&& (>= net20) (< net46) (>= netstandard1.3))
      System.Threading.Tasks (>= 4.0.11) - restriction: || (&& (< monoandroid) (< net46) (>= netstandard2.0) (< xamarinios) (< xamarinmac)) (&& (>= net20) (< net46) (>= netstandard1.3))
    System.Security.Cryptography.X509Certificates (4.1) - restriction: || (&& (< monoandroid) (< net45) (< netstandard1.6) (>= netstandard2.0) (< win8) (< wpa81)) (&& (< monoandroid) (< net45) (>= netstandard2.0) (< win8) (< wpa81) (< xamarinios) (< xamarinmac)) (&& (>= net20) (< net45) (>= netstandard1.6)) (&& (>= net20) (< net45) (>= netstandard2.0)) (&& (< net45) (>= net46) (>= netstandard1.6)) (&& (< net45) (>= net46) (>= netstandard2.0))
      Microsoft.NETCore.Platforms (>= 1.0.1) - restriction: || (&& (< monoandroid) (< net46) (>= netstandard2.0) (< xamarinios) (< xamarinmac)) (&& (>= net20) (< net46) (>= netstandard1.6))
      runtime.native.System (>= 4.0) - restriction: || (&& (< monoandroid) (< net46) (>= netstandard2.0) (< xamarinios) (< xamarinmac)) (&& (>= net20) (< net46) (>= netstandard1.6))
      runtime.native.System.Net.Http (>= 4.0.1) - restriction: || (&& (< monoandroid) (< net46) (>= netstandard2.0) (< xamarinios) (< xamarinmac)) (&& (>= net20) (< net46) (>= netstandard1.6))
      runtime.native.System.Security.Cryptography (>= 4.0) - restriction: || (&& (< monoandroid) (< net46) (>= netstandard2.0) (< xamarinios) (< xamarinmac)) (&& (>= net20) (< net46) (>= netstandard1.6))
      System.Collections (>= 4.0.11) - restriction: || (&& (< monoandroid) (< net46) (>= netstandard2.0) (< xamarinios) (< xamarinmac)) (&& (>= net20) (< net46) (>= netstandard1.6))
      System.Diagnostics.Debug (>= 4.0.11) - restriction: || (&& (< monoandroid) (< net46) (>= netstandard2.0) (< xamarinios) (< xamarinmac)) (&& (>= net20) (< net46) (>= netstandard1.6))
      System.Globalization (>= 4.0.11) - restriction: || (&& (< monoandroid) (< net46) (>= netstandard2.0) (< xamarinios) (< xamarinmac)) (&& (>= net20) (< net46) (>= netstandard1.6))
      System.Globalization.Calendars (>= 4.0.1) - restriction: || (&& (< monoandroid) (< net46) (>= netstandard2.0) (< xamarinios) (< xamarinmac)) (&& (>= net20) (< net46) (>= netstandard1.6))
      System.IO (>= 4.1) - restriction: || (&& (< monoandroid) (< net46) (>= netstandard2.0) (< xamarinios) (< xamarinmac)) (&& (>= net20) (< net46) (>= netstandard1.6))
      System.IO.FileSystem (>= 4.0.1) - restriction: || (&& (< monoandroid) (< net46) (>= netstandard2.0) (< xamarinios) (< xamarinmac)) (&& (>= net20) (< net46) (>= netstandard1.6))
      System.IO.FileSystem.Primitives (>= 4.0.1) - restriction: || (&& (< monoandroid) (< net46) (>= netstandard2.0) (< xamarinios) (< xamarinmac)) (&& (>= net20) (< net46) (>= netstandard1.6))
      System.Resources.ResourceManager (>= 4.0.1) - restriction: || (&& (< monoandroid) (< net46) (>= netstandard2.0) (< xamarinios) (< xamarinmac)) (&& (>= net20) (< net46) (>= netstandard1.6))
      System.Runtime (>= 4.1) - restriction: || (&& (< monoandroid) (< net46) (< netstandard1.4) (>= netstandard2.0)) (&& (< monoandroid) (< net46) (< netstandard1.6) (>= netstandard2.0)) (&& (< monoandroid) (< net46) (>= netstandard2.0) (< xamarinios) (< xamarinmac)) (&& (>= net20) (< net46) (>= netstandard1.3) (< netstandard1.4)) (&& (>= net20) (< net46) (>= netstandard1.4) (< netstandard1.6)) (&& (>= net20) (< net46) (>= netstandard1.6))
      System.Runtime.Extensions (>= 4.1) - restriction: || (&& (< monoandroid) (< net46) (>= netstandard2.0) (< xamarinios) (< xamarinmac)) (&& (>= net20) (< net46) (>= netstandard1.6))
      System.Runtime.Handles (>= 4.0.1) - restriction: || (&& (< monoandroid) (< net46) (< netstandard1.4) (>= netstandard2.0)) (&& (< monoandroid) (< net46) (< netstandard1.6) (>= netstandard2.0)) (&& (< monoandroid) (< net46) (>= netstandard2.0) (< xamarinios) (< xamarinmac)) (&& (>= net20) (< net46) (>= netstandard1.3) (< netstandard1.4)) (&& (>= net20) (< net46) (>= netstandard1.4) (< netstandard1.6)) (&& (>= net20) (< net46) (>= netstandard1.6))
      System.Runtime.InteropServices (>= 4.1) - restriction: || (&& (< monoandroid) (< net46) (>= netstandard2.0) (< xamarinios) (< xamarinmac)) (&& (>= net20) (< net46) (>= netstandard1.6))
      System.Runtime.Numerics (>= 4.0.1) - restriction: || (&& (< monoandroid) (< net46) (>= netstandard2.0) (< xamarinios) (< xamarinmac)) (&& (>= net20) (< net46) (>= netstandard1.6))
      System.Security.Cryptography.Algorithms (>= 4.2) - restriction: || (&& (< monoandroid) (< net46) (< netstandard1.4) (>= netstandard2.0)) (&& (< monoandroid) (< net46) (< netstandard1.6) (>= netstandard2.0)) (&& (< monoandroid) (< net46) (>= netstandard2.0) (< xamarinios) (< xamarinmac)) (&& (>= net20) (< net46) (>= netstandard1.3) (< netstandard1.4)) (&& (>= net20) (< net46) (>= netstandard1.4) (< netstandard1.6)) (&& (>= net20) (< net46) (>= netstandard1.6)) (&& (>= net46) (< netstandard1.4)) (>= net461)
      System.Security.Cryptography.Cng (>= 4.2) - restriction: || (&& (< monoandroid) (< net46) (>= netstandard2.0) (< xamarinios) (< xamarinmac)) (&& (>= net20) (< net46) (>= netstandard1.6))
      System.Security.Cryptography.Csp (>= 4.0) - restriction: || (&& (< monoandroid) (< net46) (>= netstandard2.0) (< xamarinios) (< xamarinmac)) (&& (>= net20) (< net46) (>= netstandard1.6))
      System.Security.Cryptography.Encoding (>= 4.0) - restriction: || (&& (< monoandroid) (< net46) (< netstandard1.4) (>= netstandard2.0)) (&& (< monoandroid) (< net46) (< netstandard1.6) (>= netstandard2.0)) (&& (< monoandroid) (< net46) (>= netstandard2.0) (< xamarinios) (< xamarinmac)) (&& (>= net20) (< net46) (>= netstandard1.3) (< netstandard1.4)) (&& (>= net20) (< net46) (>= netstandard1.4) (< netstandard1.6)) (&& (>= net20) (< net46) (>= netstandard1.6)) (&& (>= net46) (< netstandard1.4)) (>= net461)
      System.Security.Cryptography.OpenSsl (>= 4.0) - restriction: || (&& (< monoandroid) (< net46) (>= netstandard2.0) (< xamarinios) (< xamarinmac)) (&& (>= net20) (< net46) (>= netstandard1.6))
      System.Security.Cryptography.Primitives (>= 4.0) - restriction: || (&& (< monoandroid) (< net46) (>= netstandard2.0) (< xamarinios) (< xamarinmac)) (&& (>= net20) (< net46) (>= netstandard1.6))
      System.Text.Encoding (>= 4.0.11) - restriction: || (&& (< monoandroid) (< net46) (>= netstandard2.0) (< xamarinios) (< xamarinmac)) (&& (>= net20) (< net46) (>= netstandard1.6))
      System.Threading (>= 4.0.11) - restriction: || (&& (< monoandroid) (< net46) (>= netstandard2.0) (< xamarinios) (< xamarinmac)) (&& (>= net20) (< net46) (>= netstandard1.6))
    System.Text.Encoding (4.0.11) - restriction: || (&& (< monoandroid) (< net45) (< netstandard1.3) (>= netstandard2.0) (< win8) (< wpa81)) (&& (< monoandroid) (< net45) (< netstandard1.5) (>= netstandard2.0) (< win8) (< wpa81)) (&& (< monoandroid) (< net45) (>= netstandard2.0) (< win8) (< wpa81) (< xamarinios) (< xamarinmac)) (&& (< monoandroid) (< net46) (>= netstandard2.0) (< xamarinios) (< xamarinmac)) (&& (>= net20) (< net45) (>= netstandard1.6)) (&& (>= net20) (< net45) (>= netstandard2.0)) (&& (>= net20) (< net46) (>= netstandard1.6)) (&& (>= net20) (< net46) (>= netstandard2.0)) (&& (< net20) (>= netstandard2.0))
      Microsoft.NETCore.Platforms (>= 1.0.1) - restriction: || (&& (< monoandroid) (< net45) (< netstandard1.3) (>= netstandard2.0) (< win8) (< wpa81)) (&& (< monoandroid) (< net45) (>= netstandard2.0) (< win8) (< wpa81) (< xamarinios) (< xamarinmac)) (&& (>= net20) (< net45) (>= netstandard1.0) (< netstandard1.3)) (&& (>= net20) (< net45) (>= netstandard1.3))
      Microsoft.NETCore.Targets (>= 1.0.1) - restriction: || (&& (< monoandroid) (< net45) (< netstandard1.3) (>= netstandard2.0) (< win8) (< wpa81)) (&& (< monoandroid) (< net45) (>= netstandard2.0) (< win8) (< wpa81) (< xamarinios) (< xamarinmac)) (&& (>= net20) (< net45) (>= netstandard1.0) (< netstandard1.3)) (&& (>= net20) (< net45) (>= netstandard1.3))
      System.Runtime (>= 4.1) - restriction: || (&& (< monoandroid) (< net45) (< netstandard1.3) (>= netstandard2.0) (< win8) (< wpa81)) (&& (< monoandroid) (< net45) (>= netstandard2.0) (< win8) (< wpa81) (< xamarinios) (< xamarinmac)) (&& (>= net20) (< net45) (>= netstandard1.0) (< netstandard1.3)) (&& (>= net20) (< net45) (>= netstandard1.3))
    System.Text.Encoding.Extensions (4.0.11) - restriction: && (< net20) (>= netstandard2.0)
      Microsoft.NETCore.Platforms (>= 1.0.1) - restriction: || (&& (< monoandroid) (< net45) (< netstandard1.3) (>= netstandard2.0) (< win8) (< wpa81)) (&& (< monoandroid) (< net45) (>= netstandard2.0) (< win8) (< wpa81) (< xamarinios) (< xamarinmac)) (&& (>= net20) (< net45) (>= netstandard1.0) (< netstandard1.3)) (&& (>= net20) (< net45) (>= netstandard1.3))
      Microsoft.NETCore.Targets (>= 1.0.1) - restriction: || (&& (< monoandroid) (< net45) (< netstandard1.3) (>= netstandard2.0) (< win8) (< wpa81)) (&& (< monoandroid) (< net45) (>= netstandard2.0) (< win8) (< wpa81) (< xamarinios) (< xamarinmac)) (&& (>= net20) (< net45) (>= netstandard1.0) (< netstandard1.3)) (&& (>= net20) (< net45) (>= netstandard1.3))
      System.Runtime (>= 4.1) - restriction: || (&& (< monoandroid) (< net45) (< netstandard1.3) (>= netstandard2.0) (< win8) (< wpa81)) (&& (< monoandroid) (< net45) (>= netstandard2.0) (< win8) (< wpa81) (< xamarinios) (< xamarinmac)) (&& (>= net20) (< net45) (>= netstandard1.0) (< netstandard1.3)) (&& (>= net20) (< net45) (>= netstandard1.3))
      System.Text.Encoding (>= 4.0.11) - restriction: || (&& (< monoandroid) (< net45) (< netstandard1.3) (>= netstandard2.0) (< win8) (< wpa81)) (&& (< monoandroid) (< net45) (>= netstandard2.0) (< win8) (< wpa81) (< xamarinios) (< xamarinmac)) (&& (>= net20) (< net45) (>= netstandard1.0) (< netstandard1.3)) (&& (>= net20) (< net45) (>= netstandard1.3))
    System.Text.RegularExpressions (4.1) - restriction: || (&& (>= net20) (>= netstandard1.6)) (>= netstandard2.0)
      System.Collections (>= 4.0.11) - restriction: || (&& (< monoandroid) (< net45) (>= netstandard2.0) (< xamarinios) (< xamarinmac)) (&& (>= net20) (< net45) (>= netstandard1.6))
      System.Globalization (>= 4.0.11) - restriction: || (&& (< monoandroid) (< net45) (>= netstandard2.0) (< xamarinios) (< xamarinmac)) (&& (>= net20) (< net45) (>= netstandard1.6))
      System.Resources.ResourceManager (>= 4.0.1) - restriction: || (&& (< monoandroid) (< net45) (>= netstandard2.0) (< xamarinios) (< xamarinmac)) (&& (>= net20) (< net45) (>= netstandard1.6))
      System.Runtime (>= 4.1) - restriction: || (&& (< monoandroid) (< net45) (< netstandard1.3) (>= netstandard2.0) (< win8) (< wpa81)) (&& (< monoandroid) (< net45) (< netstandard1.6) (>= netstandard2.0) (< win8) (< wpa81)) (&& (< monoandroid) (< net45) (>= netstandard2.0) (< xamarinios) (< xamarinmac)) (&& (>= net20) (< net45) (>= netstandard1.0) (< netstandard1.3)) (&& (>= net20) (< net45) (>= netstandard1.3) (< netstandard1.6)) (&& (>= net20) (< net45) (>= netstandard1.6))
      System.Runtime.Extensions (>= 4.1) - restriction: || (&& (< monoandroid) (< net45) (>= netstandard2.0) (< xamarinios) (< xamarinmac)) (&& (>= net20) (< net45) (>= netstandard1.6))
      System.Threading (>= 4.0.11) - restriction: || (&& (< monoandroid) (< net45) (>= netstandard2.0) (< xamarinios) (< xamarinmac)) (&& (>= net20) (< net45) (>= netstandard1.6))
    System.Threading (4.0.11) - restriction: || (&& (>= net20) (>= netstandard1.6)) (>= netstandard2.0)
      System.Runtime (>= 4.1) - restriction: || (&& (< monoandroid) (< net45) (< netstandard1.3) (>= netstandard2.0) (< win8) (< wpa81)) (&& (< monoandroid) (< net45) (>= netstandard2.0) (< win8) (< wpa81) (< xamarinios) (< xamarinmac)) (&& (>= net20) (< net45) (>= netstandard1.0) (< netstandard1.3)) (&& (>= net20) (< net45) (>= netstandard1.3))
      System.Threading.Tasks (>= 4.0.11) - restriction: || (&& (< monoandroid) (< net45) (< netstandard1.3) (>= netstandard2.0) (< win8) (< wpa81)) (&& (< monoandroid) (< net45) (>= netstandard2.0) (< win8) (< wpa81) (< xamarinios) (< xamarinmac)) (&& (>= net20) (< net45) (>= netstandard1.0) (< netstandard1.3)) (&& (>= net20) (< net45) (>= netstandard1.3))
    System.Threading.Tasks (4.0.11) - restriction: || (&& (>= net20) (>= netstandard1.6)) (>= netstandard2.0)
      Microsoft.NETCore.Platforms (>= 1.0.1) - restriction: || (&& (< monoandroid) (< net45) (< netstandard1.3) (>= netstandard2.0) (< win8) (< wpa81)) (&& (< monoandroid) (< net45) (>= netstandard2.0) (< win8) (< wpa81) (< xamarinios) (< xamarinmac)) (&& (>= net20) (< net45) (>= netstandard1.0) (< netstandard1.3)) (&& (>= net20) (< net45) (>= netstandard1.3))
      Microsoft.NETCore.Targets (>= 1.0.1) - restriction: || (&& (< monoandroid) (< net45) (< netstandard1.3) (>= netstandard2.0) (< win8) (< wpa81)) (&& (< monoandroid) (< net45) (>= netstandard2.0) (< win8) (< wpa81) (< xamarinios) (< xamarinmac)) (&& (>= net20) (< net45) (>= netstandard1.0) (< netstandard1.3)) (&& (>= net20) (< net45) (>= netstandard1.3))
      System.Runtime (>= 4.1) - restriction: || (&& (< monoandroid) (< net45) (< netstandard1.3) (>= netstandard2.0) (< win8) (< wpa81)) (&& (< monoandroid) (< net45) (>= netstandard2.0) (< win8) (< wpa81) (< xamarinios) (< xamarinmac)) (&& (>= net20) (< net45) (>= netstandard1.0) (< netstandard1.3)) (&& (>= net20) (< net45) (>= netstandard1.3))
    System.Threading.Tasks.Extensions (4.0) - restriction: && (< monoandroid) (< net20) (>= netstandard2.0) (< win8) (< wpa81) (< xamarinios) (< xamarinmac)
      System.Collections (>= 4.0.11) - restriction: || (&& (< monoandroid) (< net45) (>= netstandard2.0) (< win8) (< wpa81) (< xamarinios) (< xamarinmac)) (&& (>= net20) (< net45) (>= netstandard1.0))
      System.Runtime (>= 4.1) - restriction: || (&& (< monoandroid) (< net45) (>= netstandard2.0) (< win8) (< wpa81) (< xamarinios) (< xamarinmac)) (&& (>= net20) (< net45) (>= netstandard1.0))
      System.Threading.Tasks (>= 4.0.11) - restriction: || (&& (< monoandroid) (< net45) (>= netstandard2.0) (< win8) (< wpa81) (< xamarinios) (< xamarinmac)) (&& (>= net20) (< net45) (>= netstandard1.0))
    System.Threading.Tasks.Parallel (4.0.1) - restriction: || (&& (>= net20) (>= netstandard1.6)) (>= netstandard2.0)
      System.Collections.Concurrent (>= 4.0.12) - restriction: || (&& (< monoandroid) (< net45) (< netstandard1.3) (>= netstandard2.0) (< win8) (< wpa81)) (&& (< monoandroid) (< net45) (>= netstandard2.0) (< win8) (< wpa81) (< xamarinios) (< xamarinmac)) (&& (>= net20) (< net45) (>= netstandard1.1) (< netstandard1.3)) (&& (>= net20) (< net45) (>= netstandard1.3))
      System.Diagnostics.Debug (>= 4.0.11) - restriction: || (&& (< monoandroid) (< net45) (>= netstandard2.0) (< win8) (< wpa81) (< xamarinios) (< xamarinmac)) (&& (>= net20) (< net45) (>= netstandard1.3))
      System.Diagnostics.Tracing (>= 4.1) - restriction: || (&& (< monoandroid) (< net45) (>= netstandard2.0) (< win8) (< wpa81) (< xamarinios) (< xamarinmac)) (&& (>= net20) (< net45) (>= netstandard1.3))
      System.Resources.ResourceManager (>= 4.0.1) - restriction: || (&& (< monoandroid) (< net45) (>= netstandard2.0) (< win8) (< wpa81) (< xamarinios) (< xamarinmac)) (&& (>= net20) (< net45) (>= netstandard1.3))
      System.Runtime (>= 4.1) - restriction: || (&& (< monoandroid) (< net45) (< netstandard1.3) (>= netstandard2.0) (< win8) (< wpa81)) (&& (< monoandroid) (< net45) (>= netstandard2.0) (< win8) (< wpa81) (< xamarinios) (< xamarinmac)) (&& (>= net20) (< net45) (>= netstandard1.1) (< netstandard1.3)) (&& (>= net20) (< net45) (>= netstandard1.3))
      System.Runtime.Extensions (>= 4.1) - restriction: || (&& (< monoandroid) (< net45) (>= netstandard2.0) (< win8) (< wpa81) (< xamarinios) (< xamarinmac)) (&& (>= net20) (< net45) (>= netstandard1.3))
      System.Threading (>= 4.0.11) - restriction: || (&& (< monoandroid) (< net45) (>= netstandard2.0) (< win8) (< wpa81) (< xamarinios) (< xamarinmac)) (&& (>= net20) (< net45) (>= netstandard1.3))
      System.Threading.Tasks (>= 4.0.11) - restriction: || (&& (< monoandroid) (< net45) (< netstandard1.3) (>= netstandard2.0) (< win8) (< wpa81)) (&& (< monoandroid) (< net45) (>= netstandard2.0) (< win8) (< wpa81) (< xamarinios) (< xamarinmac)) (&& (>= net20) (< net45) (>= netstandard1.1) (< netstandard1.3)) (&& (>= net20) (< net45) (>= netstandard1.3))
    System.Threading.Thread (4.0) - restriction: || (&& (>= net20) (>= netstandard1.6)) (>= netstandard2.0)
      System.Runtime (>= 4.1) - restriction: || (&& (< monoandroid) (< net46) (>= netstandard2.0) (< xamarinios) (< xamarinmac)) (&& (>= net20) (< net46) (>= netstandard1.3))
    System.Threading.ThreadPool (4.0.10) - restriction: || (&& (>= net20) (>= netstandard1.6)) (>= netstandard2.0)
      System.Runtime (>= 4.1) - restriction: || (&& (< monoandroid) (< net46) (>= netstandard2.0) (< xamarinios) (< xamarinmac)) (&& (>= net20) (< net46) (>= netstandard1.3))
      System.Runtime.Handles (>= 4.0.1) - restriction: || (&& (< monoandroid) (< net46) (>= netstandard2.0) (< xamarinios) (< xamarinmac)) (&& (>= net20) (< net46) (>= netstandard1.3))
    System.Threading.Timer (4.0.1) - restriction: || (&& (>= net20) (>= netstandard1.6)) (>= netstandard2.0)
      Microsoft.NETCore.Platforms (>= 1.0.1) - restriction: || (&& (< monoandroid) (< net451) (>= netstandard2.0) (< win81) (< wpa81) (< xamarinios) (< xamarinmac)) (&& (>= net20) (< net451) (>= netstandard1.2))
      Microsoft.NETCore.Targets (>= 1.0.1) - restriction: || (&& (< monoandroid) (< net451) (>= netstandard2.0) (< win81) (< wpa81) (< xamarinios) (< xamarinmac)) (&& (>= net20) (< net451) (>= netstandard1.2))
      System.Runtime (>= 4.1) - restriction: || (&& (< monoandroid) (< net451) (>= netstandard2.0) (< win81) (< wpa81) (< xamarinios) (< xamarinmac)) (&& (>= net20) (< net451) (>= netstandard1.2))
    System.ValueTuple (4.3) - restriction: || (&& (>= net20) (< netstandard1.6)) (&& (< netstandard1.6) (>= netstandard2.0))
    System.Xml.ReaderWriter (4.0.11) - restriction: && (< net20) (>= netstandard2.0)
      System.Collections (>= 4.0.11) - restriction: || (&& (< monoandroid) (< net45) (>= netstandard2.0) (< win8) (< wpa81) (< xamarinios) (< xamarinmac)) (&& (>= net20) (< net45) (>= netstandard1.3))
      System.Diagnostics.Debug (>= 4.0.11) - restriction: || (&& (< monoandroid) (< net45) (>= netstandard2.0) (< win8) (< wpa81) (< xamarinios) (< xamarinmac)) (&& (>= net20) (< net45) (>= netstandard1.3))
      System.Globalization (>= 4.0.11) - restriction: || (&& (< monoandroid) (< net45) (>= netstandard2.0) (< win8) (< wpa81) (< xamarinios) (< xamarinmac)) (&& (>= net20) (< net45) (>= netstandard1.3))
      System.IO (>= 4.1) - restriction: || (&& (< monoandroid) (< net45) (< netstandard1.3) (>= netstandard2.0) (< win8) (< wpa81)) (&& (< monoandroid) (< net45) (>= netstandard2.0) (< win8) (< wpa81) (< xamarinios) (< xamarinmac)) (&& (>= net20) (< net45) (>= netstandard1.0) (< netstandard1.3)) (&& (>= net20) (< net45) (>= netstandard1.3))
      System.IO.FileSystem (>= 4.0.1) - restriction: || (&& (< monoandroid) (< net45) (>= netstandard2.0) (< win8) (< wpa81) (< xamarinios) (< xamarinmac)) (&& (>= net20) (< net45) (>= netstandard1.3))
      System.IO.FileSystem.Primitives (>= 4.0.1) - restriction: || (&& (< monoandroid) (< net45) (>= netstandard2.0) (< win8) (< wpa81) (< xamarinios) (< xamarinmac)) (&& (>= net20) (< net45) (>= netstandard1.3))
      System.Resources.ResourceManager (>= 4.0.1) - restriction: || (&& (< monoandroid) (< net45) (>= netstandard2.0) (< win8) (< wpa81) (< xamarinios) (< xamarinmac)) (&& (>= net20) (< net45) (>= netstandard1.3))
      System.Runtime (>= 4.1) - restriction: || (&& (< monoandroid) (< net45) (< netstandard1.3) (>= netstandard2.0) (< win8) (< wpa81)) (&& (< monoandroid) (< net45) (>= netstandard2.0) (< win8) (< wpa81) (< xamarinios) (< xamarinmac)) (&& (>= net20) (< net45) (>= netstandard1.0) (< netstandard1.3)) (&& (>= net20) (< net45) (>= netstandard1.3))
      System.Runtime.Extensions (>= 4.1) - restriction: || (&& (< monoandroid) (< net45) (>= netstandard2.0) (< win8) (< wpa81) (< xamarinios) (< xamarinmac)) (&& (>= net20) (< net45) (>= netstandard1.3))
      System.Runtime.InteropServices (>= 4.1) - restriction: || (&& (< monoandroid) (< net45) (>= netstandard2.0) (< win8) (< wpa81) (< xamarinios) (< xamarinmac)) (&& (>= net20) (< net45) (>= netstandard1.3))
      System.Text.Encoding (>= 4.0.11) - restriction: || (&& (< monoandroid) (< net45) (< netstandard1.3) (>= netstandard2.0) (< win8) (< wpa81)) (&& (< monoandroid) (< net45) (>= netstandard2.0) (< win8) (< wpa81) (< xamarinios) (< xamarinmac)) (&& (>= net20) (< net45) (>= netstandard1.0) (< netstandard1.3)) (&& (>= net20) (< net45) (>= netstandard1.3))
      System.Text.Encoding.Extensions (>= 4.0.11) - restriction: || (&& (< monoandroid) (< net45) (>= netstandard2.0) (< win8) (< wpa81) (< xamarinios) (< xamarinmac)) (&& (>= net20) (< net45) (>= netstandard1.3))
      System.Text.RegularExpressions (>= 4.1) - restriction: || (&& (< monoandroid) (< net45) (>= netstandard2.0) (< win8) (< wpa81) (< xamarinios) (< xamarinmac)) (&& (>= net20) (< net45) (>= netstandard1.3))
      System.Threading.Tasks (>= 4.0.11) - restriction: || (&& (< monoandroid) (< net45) (< netstandard1.3) (>= netstandard2.0) (< win8) (< wpa81)) (&& (< monoandroid) (< net45) (>= netstandard2.0) (< win8) (< wpa81) (< xamarinios) (< xamarinmac)) (&& (>= net20) (< net45) (>= netstandard1.0) (< netstandard1.3)) (&& (>= net20) (< net45) (>= netstandard1.3))
      System.Threading.Tasks.Extensions (>= 4.0) - restriction: || (&& (< monoandroid) (< net45) (>= netstandard2.0) (< win8) (< wpa81) (< xamarinios) (< xamarinmac)) (&& (>= net20) (< net45) (>= netstandard1.3))
    System.Xml.XDocument (4.0.11) - restriction: && (< net20) (>= netstandard2.0)
      System.Collections (>= 4.0.11) - restriction: || (&& (< monoandroid) (< net45) (>= netstandard2.0) (< win8) (< wpa81) (< xamarinios) (< xamarinmac)) (&& (>= net20) (< net45) (>= netstandard1.3))
      System.Diagnostics.Debug (>= 4.0.11) - restriction: || (&& (< monoandroid) (< net45) (>= netstandard2.0) (< win8) (< wpa81) (< xamarinios) (< xamarinmac)) (&& (>= net20) (< net45) (>= netstandard1.3))
      System.Diagnostics.Tools (>= 4.0.1) - restriction: || (&& (< monoandroid) (< net45) (>= netstandard2.0) (< win8) (< wpa81) (< xamarinios) (< xamarinmac)) (&& (>= net20) (< net45) (>= netstandard1.3))
      System.Globalization (>= 4.0.11) - restriction: || (&& (< monoandroid) (< net45) (>= netstandard2.0) (< win8) (< wpa81) (< xamarinios) (< xamarinmac)) (&& (>= net20) (< net45) (>= netstandard1.3))
      System.IO (>= 4.1) - restriction: || (&& (< monoandroid) (< net45) (< netstandard1.3) (>= netstandard2.0) (< win8) (< wpa81)) (&& (< monoandroid) (< net45) (>= netstandard2.0) (< win8) (< wpa81) (< xamarinios) (< xamarinmac)) (&& (>= net20) (< net45) (>= netstandard1.0) (< netstandard1.3)) (&& (>= net20) (< net45) (>= netstandard1.3))
      System.Reflection (>= 4.1) - restriction: || (&& (< monoandroid) (< net45) (>= netstandard2.0) (< win8) (< wpa81) (< xamarinios) (< xamarinmac)) (&& (>= net20) (< net45) (>= netstandard1.3))
      System.Resources.ResourceManager (>= 4.0.1) - restriction: || (&& (< monoandroid) (< net45) (>= netstandard2.0) (< win8) (< wpa81) (< xamarinios) (< xamarinmac)) (&& (>= net20) (< net45) (>= netstandard1.3))
      System.Runtime (>= 4.1) - restriction: || (&& (< monoandroid) (< net45) (< netstandard1.3) (>= netstandard2.0) (< win8) (< wpa81)) (&& (< monoandroid) (< net45) (>= netstandard2.0) (< win8) (< wpa81) (< xamarinios) (< xamarinmac)) (&& (>= net20) (< net45) (>= netstandard1.0) (< netstandard1.3)) (&& (>= net20) (< net45) (>= netstandard1.3))
      System.Runtime.Extensions (>= 4.1) - restriction: || (&& (< monoandroid) (< net45) (>= netstandard2.0) (< win8) (< wpa81) (< xamarinios) (< xamarinmac)) (&& (>= net20) (< net45) (>= netstandard1.3))
      System.Text.Encoding (>= 4.0.11) - restriction: || (&& (< monoandroid) (< net45) (>= netstandard2.0) (< win8) (< wpa81) (< xamarinios) (< xamarinmac)) (&& (>= net20) (< net45) (>= netstandard1.3))
      System.Threading (>= 4.0.11) - restriction: || (&& (< monoandroid) (< net45) (>= netstandard2.0) (< win8) (< wpa81) (< xamarinios) (< xamarinmac)) (&& (>= net20) (< net45) (>= netstandard1.3))
      System.Xml.ReaderWriter (>= 4.0.11) - restriction: || (&& (< monoandroid) (< net45) (< netstandard1.3) (>= netstandard2.0) (< win8) (< wpa81)) (&& (< monoandroid) (< net45) (>= netstandard2.0) (< win8) (< wpa81) (< xamarinios) (< xamarinmac)) (&& (>= net20) (< net45) (>= netstandard1.0) (< netstandard1.3)) (&& (>= net20) (< net45) (>= netstandard1.3))

GROUP Build
STORAGE: NONE
NUGET
  remote: https://www.nuget.org/api/v2
    Microsoft.Build.Tasks.Git (1.0)
    Microsoft.SourceLink.Common (1.0)
    Microsoft.SourceLink.GitLab (1.0)
      Microsoft.Build.Tasks.Git (>= 1.0)
      Microsoft.SourceLink.Common (>= 1.0)
    portmidi.redist (0.0.217.2)

GROUP Demos
GENERATE-LOAD-SCRIPTS: ON
RESTRICTION: || (== net472) (== netcoreapp2.0) (== netstandard2.0)
NUGET
  remote: ../fsnative/build/Debug/AnyCpu
    fsnative (1.0.0)
